STORAGE: PACKAGES
NUGET
  remote: https://api.nuget.org/v3/index.json
    MathNet.Numerics (4.9.1)
      NETStandard.Library (>= 2.0.3) - restriction: && (< net40) (>= netstandard1.3) (< netstandard2.0)
      System.Runtime (>= 4.3.1) - restriction: && (< net40) (>= netstandard1.3) (< netstandard2.0)
      System.Runtime.Numerics (>= 4.3) - restriction: && (< net40) (>= netstandard1.3) (< netstandard2.0)
      System.Runtime.Serialization.Formatters (>= 4.3) - restriction: && (< net40) (>= netstandard1.3) (< netstandard2.0)
      System.Runtime.Serialization.Primitives (>= 4.3) - restriction: && (< net40) (>= netstandard1.3) (< netstandard2.0)
      System.Runtime.Serialization.Xml (>= 4.3) - restriction: && (< net40) (>= netstandard1.3) (< netstandard2.0)
      System.Security.Cryptography.Algorithms (>= 4.3.1) - restriction: && (< net40) (>= netstandard1.3) (< netstandard2.0)
    MathNet.Numerics.Signed (4.9.1)
      NETStandard.Library (>= 2.0.3) - restriction: && (< net40) (>= netstandard1.3) (< netstandard2.0)
      System.Runtime (>= 4.3.1) - restriction: && (< net40) (>= netstandard1.3) (< netstandard2.0)
      System.Runtime.Numerics (>= 4.3) - restriction: && (< net40) (>= netstandard1.3) (< netstandard2.0)
      System.Runtime.Serialization.Formatters (>= 4.3) - restriction: && (< net40) (>= netstandard1.3) (< netstandard2.0)
      System.Runtime.Serialization.Primitives (>= 4.3) - restriction: && (< net40) (>= netstandard1.3) (< netstandard2.0)
      System.Runtime.Serialization.Xml (>= 4.3) - restriction: && (< net40) (>= netstandard1.3) (< netstandard2.0)
      System.Security.Cryptography.Algorithms (>= 4.3.1) - restriction: && (< net40) (>= netstandard1.3) (< netstandard2.0)
    Microsoft.CodeCoverage (16.4) - restriction: || (>= net45) (>= netcoreapp2.1)
    Microsoft.CSharp (4.0.1) - restriction: >= uap10.0
    Microsoft.DotNet.InternalAbstractions (1.0) - restriction: >= netcoreapp2.1
      System.AppContext (>= 4.1) - restriction: && (< net451) (>= netstandard1.3)
      System.Collections (>= 4.0.11) - restriction: && (< net451) (>= netstandard1.3)
      System.IO (>= 4.1) - restriction: && (< net451) (>= netstandard1.3)
      System.IO.FileSystem (>= 4.0.1) - restriction: && (< net451) (>= netstandard1.3)
      System.Reflection.TypeExtensions (>= 4.1) - restriction: && (< net451) (>= netstandard1.3)
      System.Runtime.Extensions (>= 4.1) - restriction: && (< net451) (>= netstandard1.3)
      System.Runtime.InteropServices (>= 4.1) - restriction: && (< net451) (>= netstandard1.3)
      System.Runtime.InteropServices.RuntimeInformation (>= 4.0) - restriction: && (< net451) (>= netstandard1.3)
    Microsoft.DotNet.PlatformAbstractions (3.1.1) - restriction: || (== netcoreapp3.1) (== netstandard2.0)
    Microsoft.NET.Test.Sdk (16.4)
      Microsoft.CodeCoverage (>= 16.4) - restriction: || (>= net45) (>= netcoreapp2.1)
      Microsoft.TestPlatform.TestHost (>= 16.4) - restriction: >= netcoreapp2.1
      Newtonsoft.Json (>= 9.0.1) - restriction: >= uap10.0
      System.ComponentModel.Primitives (>= 4.1) - restriction: >= uap10.0
      System.ComponentModel.TypeConverter (>= 4.1) - restriction: >= uap10.0
      System.Runtime.InteropServices.RuntimeInformation (>= 4.0) - restriction: >= uap10.0
    Microsoft.NETCore.App (2.2.8) - restriction: || (== netcoreapp3.1) (== netstandard2.0)
      Microsoft.NETCore.DotNetHostPolicy (>= 2.2.8) - restriction: >= netcoreapp2.2
      Microsoft.NETCore.Platforms (>= 2.2.4) - restriction: >= netcoreapp2.2
      Microsoft.NETCore.Targets (>= 2.0) - restriction: >= netcoreapp2.2
      NETStandard.Library (>= 2.0.3) - restriction: >= netcoreapp2.2
    Microsoft.NETCore.DotNetAppHost (3.1.1) - restriction: || (== netcoreapp3.1) (== netstandard2.0)
    Microsoft.NETCore.DotNetHost (3.1.1) - restriction: || (== netcoreapp3.1) (== netstandard2.0)
    Microsoft.NETCore.DotNetHostPolicy (3.1.1) - restriction: || (== netcoreapp3.1) (== netstandard2.0)
      Microsoft.NETCore.DotNetHostResolver (>= 3.1.1)
    Microsoft.NETCore.DotNetHostResolver (3.1.1) - restriction: || (== netcoreapp3.1) (== netstandard2.0)
      Microsoft.NETCore.DotNetAppHost (>= 3.1.1)
    Microsoft.NETCore.Jit (2.0.8) - restriction: || (== netcoreapp3.1) (== netstandard2.0)
    Microsoft.NETCore.Platforms (3.1) - restriction: || (== netcoreapp3.1) (== netstandard2.0)
    Microsoft.NETCore.Runtime.CoreCLR (2.0.8) - restriction: || (== netcoreapp3.1) (== netstandard2.0)
      Microsoft.NETCore.Jit (>= 2.0.8)
    Microsoft.NETCore.Targets (2.0) - restriction: || (== netcoreapp3.1) (== netstandard2.0)
    Microsoft.TestPlatform.ObjectModel (16.4) - restriction: >= netcoreapp2.1
      NuGet.Frameworks (>= 5.0) - restriction: || (>= net451) (>= netstandard2.0)
    Microsoft.TestPlatform.TestHost (16.4) - restriction: >= netcoreapp2.1
      Microsoft.TestPlatform.ObjectModel (>= 16.4) - restriction: || (>= netcoreapp2.1) (>= uap10.0)
      Newtonsoft.Json (>= 9.0.1) - restriction: || (>= netcoreapp2.1) (>= uap10.0)
    Microsoft.Win32.Primitives (4.3) - restriction: && (>= netcoreapp2.1) (< netcoreapp5.0)
      Microsoft.NETCore.Platforms (>= 1.1) - restriction: && (< monoandroid) (< monotouch) (< net46) (>= netstandard1.3) (< xamarinios) (< xamarinmac) (< xamarintvos) (< xamarinwatchos)
      Microsoft.NETCore.Targets (>= 1.1) - restriction: && (< monoandroid) (< monotouch) (< net46) (>= netstandard1.3) (< xamarinios) (< xamarinmac) (< xamarintvos) (< xamarinwatchos)
      System.Runtime (>= 4.3) - restriction: && (< monoandroid) (< monotouch) (< net46) (>= netstandard1.3) (< xamarinios) (< xamarinmac) (< xamarintvos) (< xamarinwatchos)
    Microsoft.Win32.Registry (4.7) - restriction: && (>= netcoreapp2.1) (< netcoreapp5.0)
      System.Security.AccessControl (>= 4.7) - restriction: || (>= monoandroid) (>= monotouch) (&& (< net46) (>= netstandard2.0)) (>= net461) (>= netcoreapp2.0) (>= xamarinios) (>= xamarinmac) (>= xamarintvos) (>= xamarinwatchos)
      System.Security.Principal.Windows (>= 4.7) - restriction: || (>= monoandroid) (>= monotouch) (&& (< net46) (>= netstandard2.0)) (>= net461) (>= netcoreapp2.0) (>= xamarinios) (>= xamarinmac) (>= xamarintvos) (>= xamarinwatchos)
    NETStandard.Library (2.0.3) - restriction: || (== netcoreapp3.1) (== netstandard2.0)
      Microsoft.NETCore.Platforms (>= 1.1) - restriction: || (&& (>= net45) (< netstandard1.3)) (&& (< net45) (>= netstandard1.1) (< netstandard1.2) (< win8)) (&& (< net45) (>= netstandard1.2) (< netstandard1.3) (< win8) (< wpa81)) (&& (< net45) (>= netstandard1.3) (< netstandard1.4) (< win8) (< wpa81)) (&& (< net45) (>= netstandard1.4) (< netstandard1.5) (< win8) (< wpa81)) (&& (< net45) (>= netstandard1.5) (< netstandard1.6) (< win8) (< wpa81)) (&& (< net45) (>= netstandard1.6) (< netstandard2.0) (< win8) (< wpa81)) (&& (< net45) (>= netstandard2.0)) (&& (>= net46) (< netstandard1.4)) (>= net461) (>= netcoreapp2.0) (&& (>= netstandard1.0) (< portable-net45+win8+wpa81)) (&& (< netstandard1.0) (>= portable-net45+win8) (< win8)) (&& (< netstandard1.0) (< portable-net45+win8) (>= portable-net45+win8+wpa81)) (&& (< netstandard1.0) (>= portable-net45+win8+wp8+wpa81) (< portable-net45+win8+wpa81)) (&& (< netstandard1.0) (>= win8)) (&& (< netstandard1.3) (< win8) (>= wpa81)) (&& (< netstandard1.5) (>= uap10.0)) (>= uap10.1) (>= wp8)
    Newtonsoft.Json (9.0.1) - restriction: || (>= netcoreapp2.1) (>= uap10.0)
      Microsoft.CSharp (>= 4.0.1) - restriction: && (< net20) (>= netstandard1.0)
      System.Collections (>= 4.0.11) - restriction: && (< net20) (>= netstandard1.0)
      System.Diagnostics.Debug (>= 4.0.11) - restriction: && (< net20) (>= netstandard1.0)
      System.Dynamic.Runtime (>= 4.0.11) - restriction: && (< net20) (>= netstandard1.0)
      System.Globalization (>= 4.0.11) - restriction: && (< net20) (>= netstandard1.0)
      System.IO (>= 4.1) - restriction: && (< net20) (>= netstandard1.0)
      System.Linq (>= 4.1) - restriction: && (< net20) (>= netstandard1.0)
      System.Linq.Expressions (>= 4.1) - restriction: && (< net20) (>= netstandard1.0)
      System.ObjectModel (>= 4.0.12) - restriction: && (< net20) (>= netstandard1.0)
      System.Reflection (>= 4.1) - restriction: && (< net20) (>= netstandard1.0)
      System.Reflection.Extensions (>= 4.0.1) - restriction: && (< net20) (>= netstandard1.0)
      System.Resources.ResourceManager (>= 4.0.1) - restriction: && (< net20) (>= netstandard1.0)
      System.Runtime (>= 4.1) - restriction: && (< net20) (>= netstandard1.0)
      System.Runtime.Extensions (>= 4.1) - restriction: && (< net20) (>= netstandard1.0)
      System.Runtime.Serialization.Primitives (>= 4.1.1) - restriction: && (< net20) (>= netstandard1.0)
      System.Text.Encoding (>= 4.0.11) - restriction: && (< net20) (>= netstandard1.0)
      System.Text.Encoding.Extensions (>= 4.0.11) - restriction: && (< net20) (>= netstandard1.0)
      System.Text.RegularExpressions (>= 4.1) - restriction: && (< net20) (>= netstandard1.0)
      System.Threading (>= 4.0.11) - restriction: && (< net20) (>= netstandard1.0)
      System.Threading.Tasks (>= 4.0.11) - restriction: && (< net20) (>= netstandard1.0)
      System.Xml.ReaderWriter (>= 4.0.11) - restriction: && (< net20) (>= netstandard1.0)
      System.Xml.XDocument (>= 4.0.11) - restriction: && (< net20) (>= netstandard1.0)
    NuGet.Frameworks (5.0) - restriction: >= netcoreapp2.1
    NUnit (3.12) - restriction: || (== net461) (== netcoreapp3.1)
      NETStandard.Library (>= 2.0) - restriction: && (< net35) (>= netstandard2.0)
    NUnit3TestAdapter (3.16.1)
      Microsoft.DotNet.InternalAbstractions (>= 1.0) - restriction: >= netcoreapp2.1
      System.ComponentModel.EventBasedAsync (>= 4.3) - restriction: >= netcoreapp2.1
      System.ComponentModel.TypeConverter (>= 4.3) - restriction: >= netcoreapp2.1
      System.Diagnostics.Process (>= 4.3) - restriction: >= netcoreapp2.1
      System.Reflection (>= 4.3) - restriction: >= netcoreapp2.1
      System.Runtime.InteropServices.RuntimeInformation (>= 4.3) - restriction: >= netcoreapp2.1
      System.Threading.Thread (>= 4.3) - restriction: >= netcoreapp2.1
      System.Xml.XmlDocument (>= 4.3) - restriction: >= netcoreapp2.1
      System.Xml.XPath.XmlDocument (>= 4.3) - restriction: >= netcoreapp2.1
    NUnitLite (3.12) - restriction: || (== net461) (== netcoreapp3.1)
      NETStandard.Library (>= 2.0) - restriction: && (< net35) (>= netstandard2.0)
      NUnit (3.12) - restriction: || (&& (>= net35) (< net40) (< netstandard1.4)) (&& (< net35) (>= netstandard1.4) (< netstandard2.0)) (&& (< net35) (>= netstandard2.0)) (&& (>= net40) (< netstandard1.4)) (>= net45)
    runtime.debian.8-x64.runtime.native.System.Security.Cryptography.OpenSsl (4.3.3) - restriction: && (< monoandroid) (< monotouch) (< net40) (>= netstandard1.6) (< netstandard2.0) (< xamarintvos) (< xamarinwatchos)
    runtime.debian.9-x64.runtime.native.System.Security.Cryptography.OpenSsl (4.3.3) - restriction: && (< monoandroid) (< monotouch) (< net40) (>= netstandard1.6) (< netstandard2.0) (< xamarintvos) (< xamarinwatchos)
    runtime.fedora.23-x64.runtime.native.System.Security.Cryptography.OpenSsl (4.3.3) - restriction: && (< monoandroid) (< monotouch) (< net40) (>= netstandard1.6) (< netstandard2.0) (< xamarintvos) (< xamarinwatchos)
    runtime.fedora.24-x64.runtime.native.System.Security.Cryptography.OpenSsl (4.3.3) - restriction: && (< monoandroid) (< monotouch) (< net40) (>= netstandard1.6) (< netstandard2.0) (< xamarintvos) (< xamarinwatchos)
    runtime.fedora.27-x64.runtime.native.System.Security.Cryptography.OpenSsl (4.3.3) - restriction: && (< monoandroid) (< monotouch) (< net40) (>= netstandard1.6) (< netstandard2.0) (< xamarintvos) (< xamarinwatchos)
    runtime.fedora.28-x64.runtime.native.System.Security.Cryptography.OpenSsl (4.3.3) - restriction: && (< monoandroid) (< monotouch) (< net40) (>= netstandard1.6) (< netstandard2.0) (< xamarintvos) (< xamarinwatchos)
    runtime.native.System (4.3.1) - restriction: && (>= netcoreapp2.1) (< netcoreapp5.0)
      Microsoft.NETCore.Platforms (>= 1.1.1)
      Microsoft.NETCore.Targets (>= 1.1.3)
    runtime.native.System.Security.Cryptography.Apple (4.3.1) - restriction: && (< monoandroid) (< monotouch) (< net40) (>= netstandard1.6) (< netstandard2.0) (< xamarintvos) (< xamarinwatchos)
      runtime.osx.10.10-x64.runtime.native.System.Security.Cryptography.Apple (>= 4.3.1)
    runtime.native.System.Security.Cryptography.OpenSsl (4.3.3) - restriction: && (< monoandroid) (< monotouch) (< net40) (>= netstandard1.6) (< netstandard2.0) (< xamarintvos) (< xamarinwatchos)
      runtime.debian.8-x64.runtime.native.System.Security.Cryptography.OpenSsl (>= 4.3.3)
      runtime.debian.9-x64.runtime.native.System.Security.Cryptography.OpenSsl (>= 4.3.3)
      runtime.fedora.23-x64.runtime.native.System.Security.Cryptography.OpenSsl (>= 4.3.3)
      runtime.fedora.24-x64.runtime.native.System.Security.Cryptography.OpenSsl (>= 4.3.3)
      runtime.fedora.27-x64.runtime.native.System.Security.Cryptography.OpenSsl (>= 4.3.3)
      runtime.fedora.28-x64.runtime.native.System.Security.Cryptography.OpenSsl (>= 4.3.3)
      runtime.opensuse.13.2-x64.runtime.native.System.Security.Cryptography.OpenSsl (>= 4.3.3)
      runtime.opensuse.42.1-x64.runtime.native.System.Security.Cryptography.OpenSsl (>= 4.3.3)
      runtime.opensuse.42.3-x64.runtime.native.System.Security.Cryptography.OpenSsl (>= 4.3.3)
      runtime.osx.10.10-x64.runtime.native.System.Security.Cryptography.OpenSsl (>= 4.3.3)
      runtime.rhel.7-x64.runtime.native.System.Security.Cryptography.OpenSsl (>= 4.3.3)
      runtime.ubuntu.14.04-x64.runtime.native.System.Security.Cryptography.OpenSsl (>= 4.3.3)
      runtime.ubuntu.16.04-x64.runtime.native.System.Security.Cryptography.OpenSsl (>= 4.3.3)
      runtime.ubuntu.16.10-x64.runtime.native.System.Security.Cryptography.OpenSsl (>= 4.3.3)
      runtime.ubuntu.18.04-x64.runtime.native.System.Security.Cryptography.OpenSsl (>= 4.3.3)
    runtime.opensuse.13.2-x64.runtime.native.System.Security.Cryptography.OpenSsl (4.3.3) - restriction: && (< monoandroid) (< monotouch) (< net40) (>= netstandard1.6) (< netstandard2.0) (< xamarintvos) (< xamarinwatchos)
    runtime.opensuse.42.1-x64.runtime.native.System.Security.Cryptography.OpenSsl (4.3.3) - restriction: && (< monoandroid) (< monotouch) (< net40) (>= netstandard1.6) (< netstandard2.0) (< xamarintvos) (< xamarinwatchos)
    runtime.opensuse.42.3-x64.runtime.native.System.Security.Cryptography.OpenSsl (4.3.3) - restriction: && (< monoandroid) (< monotouch) (< net40) (>= netstandard1.6) (< netstandard2.0) (< xamarintvos) (< xamarinwatchos)
    runtime.osx.10.10-x64.runtime.native.System.Security.Cryptography.Apple (4.3.1) - restriction: && (< monoandroid) (< monotouch) (< net40) (>= netstandard1.6) (< netstandard2.0) (< xamarintvos) (< xamarinwatchos)
    runtime.osx.10.10-x64.runtime.native.System.Security.Cryptography.OpenSsl (4.3.3) - restriction: && (< monoandroid) (< monotouch) (< net40) (>= netstandard1.6) (< netstandard2.0) (< xamarintvos) (< xamarinwatchos)
    runtime.rhel.7-x64.runtime.native.System.Security.Cryptography.OpenSsl (4.3.3) - restriction: && (< monoandroid) (< monotouch) (< net40) (>= netstandard1.6) (< netstandard2.0) (< xamarintvos) (< xamarinwatchos)
    runtime.ubuntu.14.04-x64.runtime.native.System.Security.Cryptography.OpenSsl (4.3.3) - restriction: && (< monoandroid) (< monotouch) (< net40) (>= netstandard1.6) (< netstandard2.0) (< xamarintvos) (< xamarinwatchos)
    runtime.ubuntu.16.04-x64.runtime.native.System.Security.Cryptography.OpenSsl (4.3.3) - restriction: && (< monoandroid) (< monotouch) (< net40) (>= netstandard1.6) (< netstandard2.0) (< xamarintvos) (< xamarinwatchos)
    runtime.ubuntu.16.10-x64.runtime.native.System.Security.Cryptography.OpenSsl (4.3.3) - restriction: && (< monoandroid) (< monotouch) (< net40) (>= netstandard1.6) (< netstandard2.0) (< xamarintvos) (< xamarinwatchos)
    runtime.ubuntu.18.04-x64.runtime.native.System.Security.Cryptography.OpenSsl (4.3.3) - restriction: && (< monoandroid) (< monotouch) (< net40) (>= netstandard1.6) (< netstandard2.0) (< xamarintvos) (< xamarinwatchos)
    System.AppContext (4.3) - restriction: >= netcoreapp2.1
      System.Collections (>= 4.3) - restriction: >= netcoreapp5.0
      System.Resources.ResourceManager (>= 4.3) - restriction: >= netcoreapp5.0
      System.Runtime (>= 4.3) - restriction: || (&& (< monoandroid) (< monotouch) (< net46) (>= netstandard1.6) (< xamarinios) (< xamarinmac) (< xamarintvos) (< xamarinwatchos)) (&& (< monoandroid) (< net46) (>= netstandard1.3) (< netstandard1.6)) (>= netcoreapp5.0)
      System.Threading (>= 4.3) - restriction: >= netcoreapp5.0
    System.Collections (4.3) - restriction: || (&& (< monoandroid) (< monotouch) (< net40) (>= netstandard1.3) (< netstandard2.0) (< win8) (< wpa81) (< xamarintvos) (< xamarinwatchos)) (&& (< monoandroid) (< monotouch) (< net40) (>= netstandard1.4) (< netstandard2.0) (< xamarintvos) (< xamarinwatchos)) (&& (< monoandroid) (< monotouch) (< net40) (>= netstandard1.6) (< netstandard2.0) (< xamarintvos) (< xamarinwatchos)) (>= netcoreapp2.1) (&& (>= netcoreapp5.0) (< netstandard2.0)) (>= uap10.0)
    System.Collections.Concurrent (4.3) - restriction: || (&& (< monoandroid) (< monotouch) (< net40) (>= netstandard1.3) (< netstandard2.0) (< win8) (< wpa81) (< xamarintvos) (< xamarinwatchos)) (&& (< monoandroid) (< monotouch) (< net40) (>= netstandard1.6) (< netstandard2.0) (< xamarintvos) (< xamarinwatchos)) (&& (< net40) (>= net463) (< netstandard2.0)) (&& (>= netcoreapp5.0) (< netstandard2.0))
      System.Collections (>= 4.3) - restriction: || (&& (< monoandroid) (< monotouch) (< net45) (>= netstandard1.3) (< win8) (< wpa81) (< xamarinios) (< xamarinmac) (< xamarintvos) (< xamarinwatchos)) (>= netcoreapp5.0)
      System.Diagnostics.Debug (>= 4.3) - restriction: || (&& (< monoandroid) (< monotouch) (< net45) (>= netstandard1.3) (< win8) (< wpa81) (< xamarinios) (< xamarinmac) (< xamarintvos) (< xamarinwatchos)) (>= netcoreapp5.0)
      System.Diagnostics.Tracing (>= 4.3) - restriction: || (&& (< monoandroid) (< monotouch) (< net45) (>= netstandard1.3) (< win8) (< wpa81) (< xamarinios) (< xamarinmac) (< xamarintvos) (< xamarinwatchos)) (>= netcoreapp5.0)
      System.Globalization (>= 4.3) - restriction: || (&& (< monoandroid) (< monotouch) (< net45) (>= netstandard1.3) (< win8) (< wpa81) (< xamarinios) (< xamarinmac) (< xamarintvos) (< xamarinwatchos)) (>= netcoreapp5.0)
      System.Reflection (>= 4.3) - restriction: && (< monoandroid) (< monotouch) (< net45) (< netcoreapp5.0) (>= netstandard1.3) (< win8) (< wpa81) (< xamarinios) (< xamarinmac) (< xamarintvos) (< xamarinwatchos)
      System.Resources.ResourceManager (>= 4.3) - restriction: || (&& (< monoandroid) (< monotouch) (< net45) (>= netstandard1.3) (< win8) (< wpa81) (< xamarinios) (< xamarinmac) (< xamarintvos) (< xamarinwatchos)) (>= netcoreapp5.0)
      System.Runtime (>= 4.3) - restriction: || (&& (< monoandroid) (< monotouch) (< net45) (>= netstandard1.3) (< win8) (< wpa81) (< xamarinios) (< xamarinmac) (< xamarintvos) (< xamarinwatchos)) (&& (< monoandroid) (< net45) (>= netstandard1.1) (< netstandard1.3) (< win8) (< wpa81)) (>= netcoreapp5.0)
      System.Runtime.Extensions (>= 4.3) - restriction: || (&& (< monoandroid) (< monotouch) (< net45) (>= netstandard1.3) (< win8) (< wpa81) (< xamarinios) (< xamarinmac) (< xamarintvos) (< xamarinwatchos)) (>= netcoreapp5.0)
      System.Threading (>= 4.3) - restriction: || (&& (< monoandroid) (< monotouch) (< net45) (>= netstandard1.3) (< win8) (< wpa81) (< xamarinios) (< xamarinmac) (< xamarintvos) (< xamarinwatchos)) (>= netcoreapp5.0)
      System.Threading.Tasks (>= 4.3) - restriction: || (&& (< monoandroid) (< monotouch) (< net45) (>= netstandard1.3) (< win8) (< wpa81) (< xamarinios) (< xamarinmac) (< xamarintvos) (< xamarinwatchos)) (&& (< monoandroid) (< net45) (>= netstandard1.1) (< netstandard1.3) (< win8) (< wpa81)) (>= netcoreapp5.0)
    System.ComponentModel.EventBasedAsync (4.3) - restriction: >= netcoreapp2.1
      System.Resources.ResourceManager (>= 4.3) - restriction: || (&& (< monoandroid) (< monotouch) (< net45) (>= netstandard1.3) (< win8) (< wpa81) (< xamarinios) (< xamarinmac) (< xamarintvos) (< xamarinwatchos)) (>= netcoreapp5.0)
      System.Runtime (>= 4.3) - restriction: || (&& (< monoandroid) (< monotouch) (< net45) (>= netstandard1.3) (< win8) (< wpa81) (< xamarinios) (< xamarinmac) (< xamarintvos) (< xamarinwatchos)) (&& (< monoandroid) (< net45) (>= netstandard1.0) (< netstandard1.3) (< win8) (< wp8) (< wpa81)) (>= netcoreapp5.0)
      System.Threading (>= 4.3) - restriction: || (&& (< monoandroid) (< monotouch) (< net45) (>= netstandard1.3) (< win8) (< wpa81) (< xamarinios) (< xamarinmac) (< xamarintvos) (< xamarinwatchos)) (>= netcoreapp5.0)
      System.Threading.Tasks (>= 4.3) - restriction: || (&& (< monoandroid) (< monotouch) (< net45) (>= netstandard1.3) (< win8) (< wpa81) (< xamarinios) (< xamarinmac) (< xamarintvos) (< xamarinwatchos)) (>= netcoreapp5.0)
    System.ComponentModel.Primitives (4.3) - restriction: >= uap10.0
    System.ComponentModel.TypeConverter (4.3) - restriction: || (>= netcoreapp2.1) (>= uap10.0)
      System.ComponentModel.Primitives (>= 4.3) - restriction: || (&& (< monoandroid) (< monotouch) (< net45) (>= netstandard1.5) (< win8) (< xamarinios) (< xamarinmac) (< xamarintvos) (< xamarinwatchos)) (&& (< monoandroid) (< net45) (>= netstandard1.0) (< netstandard1.5) (< win8)) (&& (>= net45) (< netstandard1.5)) (>= net462) (&& (< netstandard1.0) (>= win8)) (>= wp8) (>= wpa81)
    System.Diagnostics.Debug (4.3) - restriction: || (&& (< monoandroid) (< monotouch) (< net40) (>= netstandard1.3) (< netstandard2.0) (< win8) (< wpa81) (< xamarintvos) (< xamarinwatchos)) (&& (< monoandroid) (< monotouch) (< net40) (>= netstandard1.6) (< netstandard2.0) (< xamarintvos) (< xamarinwatchos)) (&& (< monoandroid) (< net40) (>= netstandard1.3) (< netstandard1.4)) (&& (< monoandroid) (< net40) (>= netstandard1.4) (< netstandard1.6)) (&& (< net40) (>= net46) (< netstandard1.4)) (&& (< net40) (>= net461) (< netstandard1.6)) (&& (< net40) (>= net463) (< netstandard2.0)) (>= netcoreapp2.1) (&& (>= netcoreapp5.0) (< netstandard2.0)) (>= uap10.0)
    System.Diagnostics.Process (4.3) - restriction: >= netcoreapp2.1
      Microsoft.NETCore.Platforms (>= 1.1) - restriction: && (< monoandroid) (< monotouch) (< net46) (< netcoreapp5.0) (>= netstandard1.4) (< xamarinios) (< xamarinmac) (< xamarintvos) (< xamarinwatchos)
      Microsoft.Win32.Primitives (>= 4.3) - restriction: && (< monoandroid) (< monotouch) (< net46) (< netcoreapp5.0) (>= netstandard1.4) (< xamarinios) (< xamarinmac) (< xamarintvos) (< xamarinwatchos)
      Microsoft.Win32.Registry (>= 4.3) - restriction: && (< monoandroid) (< monotouch) (< net46) (< netcoreapp5.0) (>= netstandard1.4) (< xamarinios) (< xamarinmac) (< xamarintvos) (< xamarinwatchos)
      runtime.native.System (>= 4.3) - restriction: && (< monoandroid) (< monotouch) (< net46) (< netcoreapp5.0) (>= netstandard1.4) (< xamarinios) (< xamarinmac) (< xamarintvos) (< xamarinwatchos)
      System.Collections (>= 4.3) - restriction: && (< monoandroid) (< monotouch) (< net46) (< netcoreapp5.0) (>= netstandard1.4) (< xamarinios) (< xamarinmac) (< xamarintvos) (< xamarinwatchos)
      System.Diagnostics.Debug (>= 4.3) - restriction: && (< monoandroid) (< monotouch) (< net46) (< netcoreapp5.0) (>= netstandard1.4) (< xamarinios) (< xamarinmac) (< xamarintvos) (< xamarinwatchos)
      System.Globalization (>= 4.3) - restriction: && (< monoandroid) (< monotouch) (< net46) (< netcoreapp5.0) (>= netstandard1.4) (< xamarinios) (< xamarinmac) (< xamarintvos) (< xamarinwatchos)
      System.IO (>= 4.3) - restriction: || (&& (< monoandroid) (< monotouch) (< net46) (< netcoreapp5.0) (>= netstandard1.4) (< xamarinios) (< xamarinmac) (< xamarintvos) (< xamarinwatchos)) (&& (< monoandroid) (< net46) (>= netstandard1.3) (< netstandard1.4))
      System.IO.FileSystem (>= 4.3) - restriction: && (< monoandroid) (< monotouch) (< net46) (< netcoreapp5.0) (>= netstandard1.4) (< xamarinios) (< xamarinmac) (< xamarintvos) (< xamarinwatchos)
      System.IO.FileSystem.Primitives (>= 4.3) - restriction: && (< monoandroid) (< monotouch) (< net46) (< netcoreapp5.0) (>= netstandard1.4) (< xamarinios) (< xamarinmac) (< xamarintvos) (< xamarinwatchos)
      System.Resources.ResourceManager (>= 4.3) - restriction: && (< monoandroid) (< monotouch) (< net46) (< netcoreapp5.0) (>= netstandard1.4) (< xamarinios) (< xamarinmac) (< xamarintvos) (< xamarinwatchos)
      System.Runtime (>= 4.3) - restriction: || (&& (< monoandroid) (< monotouch) (< net46) (< netcoreapp5.0) (>= netstandard1.4) (< xamarinios) (< xamarinmac) (< xamarintvos) (< xamarinwatchos)) (&& (< monoandroid) (< net46) (>= netstandard1.3) (< netstandard1.4))
      System.Runtime.Extensions (>= 4.3) - restriction: && (< monoandroid) (< monotouch) (< net46) (< netcoreapp5.0) (>= netstandard1.4) (< xamarinios) (< xamarinmac) (< xamarintvos) (< xamarinwatchos)
      System.Runtime.Handles (>= 4.3) - restriction: || (&& (< monoandroid) (< monotouch) (< net46) (< netcoreapp5.0) (>= netstandard1.4) (< xamarinios) (< xamarinmac) (< xamarintvos) (< xamarinwatchos)) (&& (< monoandroid) (< net46) (>= netstandard1.3) (< netstandard1.4))
      System.Runtime.InteropServices (>= 4.3) - restriction: && (< monoandroid) (< monotouch) (< net46) (< netcoreapp5.0) (>= netstandard1.4) (< xamarinios) (< xamarinmac) (< xamarintvos) (< xamarinwatchos)
      System.Text.Encoding (>= 4.3) - restriction: || (&& (< monoandroid) (< monotouch) (< net46) (< netcoreapp5.0) (>= netstandard1.4) (< xamarinios) (< xamarinmac) (< xamarintvos) (< xamarinwatchos)) (&& (< monoandroid) (< net46) (>= netstandard1.3) (< netstandard1.4))
      System.Text.Encoding.Extensions (>= 4.3) - restriction: && (< monoandroid) (< monotouch) (< net46) (< netcoreapp5.0) (>= netstandard1.4) (< xamarinios) (< xamarinmac) (< xamarintvos) (< xamarinwatchos)
      System.Threading (>= 4.3) - restriction: && (< monoandroid) (< monotouch) (< net46) (< netcoreapp5.0) (>= netstandard1.4) (< xamarinios) (< xamarinmac) (< xamarintvos) (< xamarinwatchos)
      System.Threading.Tasks (>= 4.3) - restriction: && (< monoandroid) (< monotouch) (< net46) (< netcoreapp5.0) (>= netstandard1.4) (< xamarinios) (< xamarinmac) (< xamarintvos) (< xamarinwatchos)
      System.Threading.Thread (>= 4.3) - restriction: && (< monoandroid) (< monotouch) (< net46) (< netcoreapp5.0) (>= netstandard1.4) (< xamarinios) (< xamarinmac) (< xamarintvos) (< xamarinwatchos)
      System.Threading.ThreadPool (>= 4.3) - restriction: && (< monoandroid) (< monotouch) (< net46) (< netcoreapp5.0) (>= netstandard1.4) (< xamarinios) (< xamarinmac) (< xamarintvos) (< xamarinwatchos)
    System.Diagnostics.Tracing (4.3) - restriction: || (&& (< monoandroid) (< monotouch) (< net40) (>= netstandard1.3) (< netstandard2.0) (< win8) (< wpa81) (< xamarintvos) (< xamarinwatchos)) (&& (>= netcoreapp5.0) (< netstandard2.0))
      Microsoft.NETCore.Platforms (>= 1.1) - restriction: || (&& (< monoandroid) (< monotouch) (< net45) (>= netstandard1.5) (< win8) (< wpa81) (< xamarinios) (< xamarinmac) (< xamarintvos) (< xamarinwatchos)) (&& (< monoandroid) (< net45) (>= netstandard1.1) (< netstandard1.2) (< win8)) (&& (< monoandroid) (< net45) (>= netstandard1.2) (< netstandard1.3) (< win8) (< wpa81)) (&& (< monoandroid) (< net45) (>= netstandard1.3) (< netstandard1.5) (< win8) (< wpa81)) (>= netcoreapp5.0)
      Microsoft.NETCore.Targets (>= 1.1) - restriction: || (&& (< monoandroid) (< monotouch) (< net45) (>= netstandard1.5) (< win8) (< wpa81) (< xamarinios) (< xamarinmac) (< xamarintvos) (< xamarinwatchos)) (&& (< monoandroid) (< net45) (>= netstandard1.1) (< netstandard1.2) (< win8)) (&& (< monoandroid) (< net45) (>= netstandard1.2) (< netstandard1.3) (< win8) (< wpa81)) (&& (< monoandroid) (< net45) (>= netstandard1.3) (< netstandard1.5) (< win8) (< wpa81)) (>= netcoreapp5.0)
      System.Runtime (>= 4.3) - restriction: || (&& (< monoandroid) (< monotouch) (< net45) (>= netstandard1.5) (< win8) (< wpa81) (< xamarinios) (< xamarinmac) (< xamarintvos) (< xamarinwatchos)) (&& (< monoandroid) (< net45) (>= netstandard1.1) (< netstandard1.2) (< win8)) (&& (< monoandroid) (< net45) (>= netstandard1.2) (< netstandard1.3) (< win8) (< wpa81)) (&& (< monoandroid) (< net45) (>= netstandard1.3) (< netstandard1.5) (< win8) (< wpa81)) (>= netcoreapp5.0)
    System.Dynamic.Runtime (4.0.11) - restriction: >= uap10.0
    System.Globalization (4.3) - restriction: || (&& (< monoandroid) (< monotouch) (< net40) (>= netstandard1.3) (< netstandard2.0) (< win8) (< wpa81) (< xamarintvos) (< xamarinwatchos)) (&& (< monoandroid) (< monotouch) (< net40) (>= netstandard1.6) (< netstandard2.0) (< xamarintvos) (< xamarinwatchos)) (&& (< monoandroid) (< net40) (>= netstandard1.3) (< netstandard1.4)) (&& (< monoandroid) (< net40) (>= netstandard1.4) (< netstandard1.6)) (&& (< net40) (>= net46) (< netstandard1.4)) (&& (< net40) (>= net461) (< netstandard1.6)) (&& (< net40) (>= net463) (< netstandard2.0)) (>= netcoreapp2.1) (&& (>= netcoreapp5.0) (< netstandard2.0)) (>= uap10.0)
    System.IO (4.3) - restriction: || (&& (< monoandroid) (< monotouch) (< net40) (>= netstandard1.3) (< netstandard2.0) (< win8) (< wpa81) (< xamarintvos) (< xamarinwatchos)) (&& (< monoandroid) (< monotouch) (< net40) (>= netstandard1.6) (< netstandard2.0) (< xamarintvos) (< xamarinwatchos)) (&& (< monoandroid) (< net40) (>= netstandard1.3) (< netstandard1.4)) (&& (< monoandroid) (< net40) (>= netstandard1.4) (< netstandard1.6)) (&& (< net40) (>= net463) (< netstandard2.0)) (>= netcoreapp2.1) (&& (>= netcoreapp5.0) (< netstandard2.0)) (>= uap10.0)
    System.IO.FileSystem (4.3) - restriction: >= netcoreapp2.1
      Microsoft.NETCore.Platforms (>= 1.1) - restriction: && (< monoandroid) (< monotouch) (< net46) (>= netstandard1.3) (< xamarinios) (< xamarinmac) (< xamarintvos) (< xamarinwatchos)
      Microsoft.NETCore.Targets (>= 1.1) - restriction: && (< monoandroid) (< monotouch) (< net46) (>= netstandard1.3) (< xamarinios) (< xamarinmac) (< xamarintvos) (< xamarinwatchos)
      System.IO (>= 4.3) - restriction: && (< monoandroid) (< monotouch) (< net46) (>= netstandard1.3) (< xamarinios) (< xamarinmac) (< xamarintvos) (< xamarinwatchos)
      System.IO.FileSystem.Primitives (>= 4.3) - restriction: || (&& (< monoandroid) (< monotouch) (>= netstandard1.3) (< xamarinios) (< xamarinmac) (< xamarintvos) (< xamarinwatchos)) (>= net46)
      System.Runtime (>= 4.3) - restriction: && (< monoandroid) (< monotouch) (< net46) (>= netstandard1.3) (< xamarinios) (< xamarinmac) (< xamarintvos) (< xamarinwatchos)
      System.Runtime.Handles (>= 4.3) - restriction: && (< monoandroid) (< monotouch) (< net46) (>= netstandard1.3) (< xamarinios) (< xamarinmac) (< xamarintvos) (< xamarinwatchos)
      System.Text.Encoding (>= 4.3) - restriction: && (< monoandroid) (< monotouch) (< net46) (>= netstandard1.3) (< xamarinios) (< xamarinmac) (< xamarintvos) (< xamarinwatchos)
      System.Threading.Tasks (>= 4.3) - restriction: && (< monoandroid) (< monotouch) (< net46) (>= netstandard1.3) (< xamarinios) (< xamarinmac) (< xamarintvos) (< xamarinwatchos)
    System.IO.FileSystem.Primitives (4.3) - restriction: && (>= netcoreapp2.1) (< netcoreapp5.0)
      System.Runtime (>= 4.3) - restriction: && (< monoandroid) (< monotouch) (< net46) (>= netstandard1.3) (< xamarinios) (< xamarinmac) (< xamarintvos) (< xamarinwatchos)
    System.Linq (4.3) - restriction: || (&& (< monoandroid) (< monotouch) (< net40) (>= netstandard1.3) (< netstandard2.0) (< win8) (< wpa81) (< xamarintvos) (< xamarinwatchos)) (&& (< monoandroid) (< monotouch) (< net40) (>= netstandard1.6) (< netstandard2.0) (< xamarintvos) (< xamarinwatchos)) (&& (< net40) (>= net463) (< netstandard2.0)) (&& (>= netcoreapp5.0) (< netstandard2.0)) (>= uap10.0)
      System.Collections (>= 4.3) - restriction: || (&& (< monoandroid) (< monotouch) (< net45) (>= netstandard1.6) (< xamarinios) (< xamarinmac) (< xamarintvos) (< xamarinwatchos)) (&& (< monoandroid) (< net45) (>= netstandard1.0) (< netstandard1.6) (< win8) (< wp8) (< wpa81)) (>= netcoreapp5.0)
      System.Diagnostics.Debug (>= 4.3) - restriction: || (&& (< monoandroid) (< monotouch) (< net45) (>= netstandard1.6) (< xamarinios) (< xamarinmac) (< xamarintvos) (< xamarinwatchos)) (>= netcoreapp5.0)
      System.Resources.ResourceManager (>= 4.3) - restriction: || (&& (< monoandroid) (< monotouch) (< net45) (>= netstandard1.6) (< xamarinios) (< xamarinmac) (< xamarintvos) (< xamarinwatchos)) (>= netcoreapp5.0)
      System.Runtime (>= 4.3) - restriction: || (&& (< monoandroid) (< monotouch) (< net45) (>= netstandard1.6) (< xamarinios) (< xamarinmac) (< xamarintvos) (< xamarinwatchos)) (&& (< monoandroid) (< net45) (>= netstandard1.0) (< netstandard1.6) (< win8) (< wp8) (< wpa81)) (>= netcoreapp5.0)
      System.Runtime.Extensions (>= 4.3) - restriction: || (&& (< monoandroid) (< monotouch) (< net45) (>= netstandard1.6) (< xamarinios) (< xamarinmac) (< xamarintvos) (< xamarinwatchos)) (>= netcoreapp5.0)
    System.Linq.Expressions (4.1) - restriction: >= uap10.0
      System.Collections (>= 4.0.11) - restriction: || (&& (< monoandroid) (< monotouch) (< net45) (>= netstandard1.6) (< xamarinios) (< xamarinmac) (< xamarintvos) (< xamarinwatchos)) (>= netcoreapp5.0)
      System.Diagnostics.Debug (>= 4.0.11) - restriction: || (&& (< monoandroid) (< monotouch) (< net45) (>= netstandard1.6) (< xamarinios) (< xamarinmac) (< xamarintvos) (< xamarinwatchos)) (>= netcoreapp5.0)
      System.Globalization (>= 4.0.11) - restriction: || (&& (< monoandroid) (< monotouch) (< net45) (>= netstandard1.6) (< xamarinios) (< xamarinmac) (< xamarintvos) (< xamarinwatchos)) (>= netcoreapp5.0)
      System.IO (>= 4.1) - restriction: || (&& (< monoandroid) (< monotouch) (< net45) (>= netstandard1.6) (< xamarinios) (< xamarinmac) (< xamarintvos) (< xamarinwatchos)) (>= netcoreapp5.0)
      System.Linq (>= 4.1) - restriction: || (&& (< monoandroid) (< monotouch) (< net45) (>= netstandard1.6) (< xamarinios) (< xamarinmac) (< xamarintvos) (< xamarinwatchos)) (>= netcoreapp5.0)
      System.ObjectModel (>= 4.0.12) - restriction: && (< monoandroid) (< monotouch) (< net45) (< netcoreapp5.0) (>= netstandard1.6) (< xamarinios) (< xamarinmac) (< xamarintvos) (< xamarinwatchos)
      System.Reflection (>= 4.1) - restriction: || (&& (< monoandroid) (< monotouch) (< net45) (>= netstandard1.6) (< xamarinios) (< xamarinmac) (< xamarintvos) (< xamarinwatchos)) (&& (< monoandroid) (< net45) (>= netstandard1.0) (< netstandard1.3) (< win8) (< wp8) (< wpa81)) (&& (< monoandroid) (< net45) (>= netstandard1.3) (< netstandard1.6) (< win8) (< wpa81)) (>= netcoreapp5.0)
      System.Reflection.Emit (>= 4.0.1) - restriction: && (< monoandroid) (< monotouch) (< net45) (< netcoreapp5.0) (>= netstandard1.6) (< xamarinios) (< xamarinmac) (< xamarintvos) (< xamarinwatchos)
      System.Reflection.Emit.ILGeneration (>= 4.0.1) - restriction: || (&& (< monoandroid) (< monotouch) (< net45) (>= netstandard1.6) (< xamarinios) (< xamarinmac) (< xamarintvos) (< xamarinwatchos)) (>= netcoreapp5.0)
      System.Reflection.Emit.Lightweight (>= 4.0.1) - restriction: || (&& (< monoandroid) (< monotouch) (< net45) (>= netstandard1.6) (< xamarinios) (< xamarinmac) (< xamarintvos) (< xamarinwatchos)) (>= netcoreapp5.0)
      System.Reflection.Extensions (>= 4.0.1) - restriction: || (&& (< monoandroid) (< monotouch) (< net45) (>= netstandard1.6) (< xamarinios) (< xamarinmac) (< xamarintvos) (< xamarinwatchos)) (>= netcoreapp5.0)
      System.Reflection.Primitives (>= 4.0.1) - restriction: || (&& (< monoandroid) (< monotouch) (< net45) (>= netstandard1.6) (< xamarinios) (< xamarinmac) (< xamarintvos) (< xamarinwatchos)) (>= netcoreapp5.0)
      System.Reflection.TypeExtensions (>= 4.1) - restriction: || (&& (< monoandroid) (< monotouch) (< net45) (>= netstandard1.6) (< xamarinios) (< xamarinmac) (< xamarintvos) (< xamarinwatchos)) (>= netcoreapp5.0)
      System.Resources.ResourceManager (>= 4.0.1) - restriction: || (&& (< monoandroid) (< monotouch) (< net45) (>= netstandard1.6) (< xamarinios) (< xamarinmac) (< xamarintvos) (< xamarinwatchos)) (>= netcoreapp5.0)
      System.Runtime (>= 4.1) - restriction: || (&& (< monoandroid) (< monotouch) (< net45) (>= netstandard1.6) (< xamarinios) (< xamarinmac) (< xamarintvos) (< xamarinwatchos)) (&& (< monoandroid) (< net45) (>= netstandard1.0) (< netstandard1.3) (< win8) (< wp8) (< wpa81)) (&& (< monoandroid) (< net45) (>= netstandard1.3) (< netstandard1.6) (< win8) (< wpa81)) (>= netcoreapp5.0)
      System.Runtime.Extensions (>= 4.1) - restriction: || (&& (< monoandroid) (< monotouch) (< net45) (>= netstandard1.6) (< xamarinios) (< xamarinmac) (< xamarintvos) (< xamarinwatchos)) (>= netcoreapp5.0)
      System.Threading (>= 4.0.11) - restriction: || (&& (< monoandroid) (< monotouch) (< net45) (>= netstandard1.6) (< xamarinios) (< xamarinmac) (< xamarintvos) (< xamarinwatchos)) (>= netcoreapp5.0)
    System.ObjectModel (4.0.12) - restriction: >= uap10.0
    System.Private.DataContractSerialization (4.3) - restriction: || (&& (< monoandroid) (< monotouch) (< net40) (>= netstandard1.3) (< netstandard2.0) (< win8) (< wpa81) (< xamarintvos) (< xamarinwatchos)) (&& (>= netcoreapp5.0) (< netstandard2.0))
      System.Collections (>= 4.3) - restriction: || (&& (< monoandroid) (< monotouch) (< net46) (>= netstandard1.3) (< xamarinios) (< xamarinmac) (< xamarintvos) (< xamarinwatchos)) (>= netcoreapp5.0)
      System.Collections.Concurrent (>= 4.3) - restriction: || (&& (< monoandroid) (< monotouch) (< net46) (>= netstandard1.3) (< xamarinios) (< xamarinmac) (< xamarintvos) (< xamarinwatchos)) (>= netcoreapp5.0)
      System.Diagnostics.Debug (>= 4.3) - restriction: || (&& (< monoandroid) (< monotouch) (< net46) (>= netstandard1.3) (< xamarinios) (< xamarinmac) (< xamarintvos) (< xamarinwatchos)) (>= netcoreapp5.0)
      System.Globalization (>= 4.3) - restriction: || (&& (< monoandroid) (< monotouch) (< net46) (>= netstandard1.3) (< xamarinios) (< xamarinmac) (< xamarintvos) (< xamarinwatchos)) (>= netcoreapp5.0)
      System.IO (>= 4.3) - restriction: || (&& (< monoandroid) (< monotouch) (< net46) (>= netstandard1.3) (< xamarinios) (< xamarinmac) (< xamarintvos) (< xamarinwatchos)) (>= netcoreapp5.0)
      System.Linq (>= 4.3) - restriction: || (&& (< monoandroid) (< monotouch) (< net46) (>= netstandard1.3) (< xamarinios) (< xamarinmac) (< xamarintvos) (< xamarinwatchos)) (>= netcoreapp5.0)
      System.Reflection (>= 4.3) - restriction: || (&& (< monoandroid) (< monotouch) (< net46) (>= netstandard1.3) (< xamarinios) (< xamarinmac) (< xamarintvos) (< xamarinwatchos)) (>= netcoreapp5.0)
      System.Reflection.Emit.ILGeneration (>= 4.3) - restriction: && (< monoandroid) (< monotouch) (< net46) (< netcoreapp5.0) (>= netstandard1.3) (< xamarinios) (< xamarinmac) (< xamarintvos) (< xamarinwatchos)
      System.Reflection.Emit.Lightweight (>= 4.3) - restriction: && (< monoandroid) (< monotouch) (< net46) (< netcoreapp5.0) (>= netstandard1.3) (< xamarinios) (< xamarinmac) (< xamarintvos) (< xamarinwatchos)
      System.Reflection.Extensions (>= 4.3) - restriction: || (&& (< monoandroid) (< monotouch) (< net46) (>= netstandard1.3) (< xamarinios) (< xamarinmac) (< xamarintvos) (< xamarinwatchos)) (>= netcoreapp5.0)
      System.Reflection.Primitives (>= 4.3) - restriction: || (&& (< monoandroid) (< monotouch) (< net46) (>= netstandard1.3) (< xamarinios) (< xamarinmac) (< xamarintvos) (< xamarinwatchos)) (>= netcoreapp5.0)
      System.Reflection.TypeExtensions (>= 4.3) - restriction: || (&& (< monoandroid) (< monotouch) (>= netstandard1.3) (< xamarinios) (< xamarinmac) (< xamarintvos) (< xamarinwatchos)) (>= net46) (>= netcoreapp5.0)
      System.Resources.ResourceManager (>= 4.3) - restriction: || (&& (< monoandroid) (< monotouch) (< net46) (>= netstandard1.3) (< xamarinios) (< xamarinmac) (< xamarintvos) (< xamarinwatchos)) (>= netcoreapp5.0)
      System.Runtime (>= 4.3) - restriction: || (&& (< monoandroid) (< monotouch) (< net46) (>= netstandard1.3) (< xamarinios) (< xamarinmac) (< xamarintvos) (< xamarinwatchos)) (>= netcoreapp5.0)
      System.Runtime.Extensions (>= 4.3) - restriction: || (&& (< monoandroid) (< monotouch) (< net46) (>= netstandard1.3) (< xamarinios) (< xamarinmac) (< xamarintvos) (< xamarinwatchos)) (>= netcoreapp5.0)
      System.Runtime.Serialization.Primitives (>= 4.3) - restriction: || (&& (< monoandroid) (< monotouch) (>= netstandard1.3) (< xamarinios) (< xamarinmac) (< xamarintvos) (< xamarinwatchos)) (>= net46) (>= netcoreapp5.0)
      System.Text.Encoding (>= 4.3) - restriction: || (&& (< monoandroid) (< monotouch) (< net46) (>= netstandard1.3) (< xamarinios) (< xamarinmac) (< xamarintvos) (< xamarinwatchos)) (>= netcoreapp5.0)
      System.Text.Encoding.Extensions (>= 4.3) - restriction: || (&& (< monoandroid) (< monotouch) (< net46) (>= netstandard1.3) (< xamarinios) (< xamarinmac) (< xamarintvos) (< xamarinwatchos)) (>= netcoreapp5.0)
      System.Text.RegularExpressions (>= 4.3) - restriction: || (&& (< monoandroid) (< monotouch) (< net46) (>= netstandard1.3) (< xamarinios) (< xamarinmac) (< xamarintvos) (< xamarinwatchos)) (>= netcoreapp5.0)
      System.Threading (>= 4.3) - restriction: || (&& (< monoandroid) (< monotouch) (< net46) (>= netstandard1.3) (< xamarinios) (< xamarinmac) (< xamarintvos) (< xamarinwatchos)) (>= netcoreapp5.0)
      System.Threading.Tasks (>= 4.3) - restriction: || (&& (< monoandroid) (< monotouch) (< net46) (>= netstandard1.3) (< xamarinios) (< xamarinmac) (< xamarintvos) (< xamarinwatchos)) (>= netcoreapp5.0)
      System.Xml.ReaderWriter (>= 4.3) - restriction: || (&& (< monoandroid) (< monotouch) (< net46) (>= netstandard1.3) (< xamarinios) (< xamarinmac) (< xamarintvos) (< xamarinwatchos)) (>= netcoreapp5.0)
      System.Xml.XDocument (>= 4.3) - restriction: || (&& (< monoandroid) (< monotouch) (< net46) (>= netstandard1.3) (< xamarinios) (< xamarinmac) (< xamarintvos) (< xamarinwatchos)) (>= netcoreapp5.0)
      System.Xml.XmlDocument (>= 4.3) - restriction: || (&& (< monoandroid) (< monotouch) (>= netstandard1.3) (< xamarinios) (< xamarinmac) (< xamarintvos) (< xamarinwatchos)) (>= net46) (>= netcoreapp5.0)
      System.Xml.XmlSerializer (>= 4.3) - restriction: || (&& (< monoandroid) (< monotouch) (< net46) (>= netstandard1.3) (< xamarinios) (< xamarinmac) (< xamarintvos) (< xamarinwatchos)) (>= netcoreapp5.0)
    System.Reflection (4.3) - restriction: || (&& (< monoandroid) (< monotouch) (< net40) (>= netstandard1.3) (< netstandard2.0) (< win8) (< wpa81) (< xamarintvos) (< xamarinwatchos)) (&& (< monoandroid) (< monotouch) (< net40) (>= netstandard1.4) (< netstandard2.0) (< xamarintvos) (< xamarinwatchos)) (>= netcoreapp2.1) (&& (>= netcoreapp5.0) (< netstandard2.0)) (>= uap10.0)
      Microsoft.NETCore.Platforms (>= 1.1) - restriction: || (&& (< monoandroid) (< monotouch) (< net45) (>= netstandard1.5) (< win8) (< wpa81) (< xamarinios) (< xamarinmac) (< xamarintvos) (< xamarinwatchos)) (&& (< monoandroid) (< net45) (>= netstandard1.0) (< netstandard1.3) (< win8) (< wp8) (< wpa81)) (&& (< monoandroid) (< net45) (>= netstandard1.3) (< netstandard1.5) (< win8) (< wpa81)) (>= netcoreapp5.0)
      Microsoft.NETCore.Targets (>= 1.1) - restriction: || (&& (< monoandroid) (< monotouch) (< net45) (>= netstandard1.5) (< win8) (< wpa81) (< xamarinios) (< xamarinmac) (< xamarintvos) (< xamarinwatchos)) (&& (< monoandroid) (< net45) (>= netstandard1.0) (< netstandard1.3) (< win8) (< wp8) (< wpa81)) (&& (< monoandroid) (< net45) (>= netstandard1.3) (< netstandard1.5) (< win8) (< wpa81)) (>= netcoreapp5.0)
      System.IO (>= 4.3) - restriction: || (&& (< monoandroid) (< monotouch) (< net45) (>= netstandard1.5) (< win8) (< wpa81) (< xamarinios) (< xamarinmac) (< xamarintvos) (< xamarinwatchos)) (&& (< monoandroid) (< net45) (>= netstandard1.0) (< netstandard1.3) (< win8) (< wp8) (< wpa81)) (&& (< monoandroid) (< net45) (>= netstandard1.3) (< netstandard1.5) (< win8) (< wpa81)) (>= netcoreapp5.0)
      System.Reflection.Primitives (>= 4.3) - restriction: || (&& (< monoandroid) (< monotouch) (< net45) (>= netstandard1.5) (< win8) (< wpa81) (< xamarinios) (< xamarinmac) (< xamarintvos) (< xamarinwatchos)) (&& (< monoandroid) (< net45) (>= netstandard1.0) (< netstandard1.3) (< win8) (< wp8) (< wpa81)) (&& (< monoandroid) (< net45) (>= netstandard1.3) (< netstandard1.5) (< win8) (< wpa81)) (>= netcoreapp5.0)
      System.Runtime (>= 4.3) - restriction: || (&& (< monoandroid) (< monotouch) (< net45) (>= netstandard1.5) (< win8) (< wpa81) (< xamarinios) (< xamarinmac) (< xamarintvos) (< xamarinwatchos)) (&& (< monoandroid) (< net45) (>= netstandard1.0) (< netstandard1.3) (< win8) (< wp8) (< wpa81)) (&& (< monoandroid) (< net45) (>= netstandard1.3) (< netstandard1.5) (< win8) (< wpa81)) (>= netcoreapp5.0)
    System.Reflection.Emit (4.3) - restriction: || (&& (< monoandroid) (< monotouch) (< net40) (>= netstandard1.3) (< netstandard2.0) (< win8) (< wpa81) (< xamarintvos) (< xamarinwatchos)) (&& (>= netcoreapp5.0) (< netstandard2.0)) (&& (>= netstandard1.6) (>= uap10.0))
      System.IO (>= 4.3) - restriction: && (< monoandroid) (< monotouch) (< net45) (>= netstandard1.1) (< xamarinios) (< xamarinmac) (< xamarintvos) (< xamarinwatchos)
      System.Reflection (>= 4.3) - restriction: && (< monoandroid) (< monotouch) (< net45) (>= netstandard1.1) (< xamarinios) (< xamarinmac) (< xamarintvos) (< xamarinwatchos)
      System.Reflection.Emit.ILGeneration (>= 4.3) - restriction: && (< monoandroid) (< monotouch) (< net45) (>= netstandard1.1) (< xamarinios) (< xamarinmac) (< xamarintvos) (< xamarinwatchos)
      System.Reflection.Primitives (>= 4.3) - restriction: && (< monoandroid) (< monotouch) (< net45) (>= netstandard1.1) (< xamarinios) (< xamarinmac) (< xamarintvos) (< xamarinwatchos)
      System.Runtime (>= 4.3) - restriction: && (< monoandroid) (< monotouch) (< net45) (>= netstandard1.1) (< xamarinios) (< xamarinmac) (< xamarintvos) (< xamarinwatchos)
    System.Reflection.Emit.ILGeneration (4.3) - restriction: || (&& (< monoandroid) (< monotouch) (< net40) (>= netstandard1.3) (< netstandard2.0) (< win8) (< wpa81) (< xamarintvos) (< xamarinwatchos)) (&& (>= netcoreapp5.0) (< netstandard2.0)) (&& (>= netstandard1.6) (>= uap10.0))
      System.Reflection (>= 4.3) - restriction: && (< monoandroid) (< monotouch) (< net45) (>= netstandard1.0) (< wp8) (< xamarinios) (< xamarinmac) (< xamarintvos) (< xamarinwatchos)
      System.Reflection.Primitives (>= 4.3) - restriction: && (< monoandroid) (< monotouch) (< net45) (>= netstandard1.0) (< wp8) (< xamarinios) (< xamarinmac) (< xamarintvos) (< xamarinwatchos)
      System.Runtime (>= 4.3) - restriction: && (< monoandroid) (< monotouch) (< net45) (>= netstandard1.0) (< wp8) (< xamarinios) (< xamarinmac) (< xamarintvos) (< xamarinwatchos)
    System.Reflection.Emit.Lightweight (4.3) - restriction: || (&& (< monoandroid) (< monotouch) (< net40) (>= netstandard1.3) (< netstandard2.0) (< win8) (< wpa81) (< xamarintvos) (< xamarinwatchos)) (&& (>= netcoreapp5.0) (< netstandard2.0)) (&& (>= netcoreapp5.0) (>= uap10.0)) (&& (>= netstandard1.6) (>= uap10.0))
      System.Reflection (>= 4.3) - restriction: && (< monoandroid) (< monotouch) (< net45) (>= netstandard1.0) (< wp8) (< xamarinios) (< xamarinmac) (< xamarintvos) (< xamarinwatchos)
      System.Reflection.Emit.ILGeneration (>= 4.3) - restriction: && (< monoandroid) (< monotouch) (< net45) (>= netstandard1.0) (< wp8) (< xamarinios) (< xamarinmac) (< xamarintvos) (< xamarinwatchos)
      System.Reflection.Primitives (>= 4.3) - restriction: && (< monoandroid) (< monotouch) (< net45) (>= netstandard1.0) (< wp8) (< xamarinios) (< xamarinmac) (< xamarintvos) (< xamarinwatchos)
      System.Runtime (>= 4.3) - restriction: && (< monoandroid) (< monotouch) (< net45) (>= netstandard1.0) (< wp8) (< xamarinios) (< xamarinmac) (< xamarintvos) (< xamarinwatchos)
    System.Reflection.Extensions (4.3) - restriction: || (&& (< monoandroid) (< monotouch) (< net40) (>= netstandard1.3) (< netstandard2.0) (< win8) (< wpa81) (< xamarintvos) (< xamarinwatchos)) (&& (>= netcoreapp5.0) (< netstandard2.0)) (>= uap10.0)
    System.Reflection.Primitives (4.3) - restriction: || (&& (< monoandroid) (< monotouch) (< net40) (>= netstandard1.3) (< netstandard2.0) (< win8) (< wpa81) (< xamarintvos) (< xamarinwatchos)) (>= netcoreapp2.1) (&& (>= netcoreapp5.0) (< netstandard2.0)) (&& (>= netstandard1.6) (>= uap10.0))
      Microsoft.NETCore.Platforms (>= 1.1) - restriction: || (&& (< monoandroid) (< monotouch) (< net45) (>= netstandard1.0) (< win8) (< wp8) (< wpa81) (< xamarinios) (< xamarinmac) (< xamarintvos) (< xamarinwatchos)) (>= netcoreapp5.0)
      Microsoft.NETCore.Targets (>= 1.1) - restriction: || (&& (< monoandroid) (< monotouch) (< net45) (>= netstandard1.0) (< win8) (< wp8) (< wpa81) (< xamarinios) (< xamarinmac) (< xamarintvos) (< xamarinwatchos)) (>= netcoreapp5.0)
      System.Runtime (>= 4.3) - restriction: || (&& (< monoandroid) (< monotouch) (< net45) (>= netstandard1.0) (< win8) (< wp8) (< wpa81) (< xamarinios) (< xamarinmac) (< xamarintvos) (< xamarinwatchos)) (>= netcoreapp5.0)
    System.Reflection.TypeExtensions (4.3) - restriction: || (&& (< monoandroid) (< monotouch) (< net40) (>= netstandard1.3) (< netstandard2.0) (< win8) (< wpa81) (< xamarintvos) (< xamarinwatchos)) (&& (< net40) (>= net46) (< netstandard2.0)) (>= netcoreapp2.1) (&& (>= netcoreapp5.0) (< netstandard2.0)) (&& (>= netcoreapp5.0) (>= uap10.0)) (&& (>= netstandard1.6) (>= uap10.0))
      System.Reflection (>= 4.3) - restriction: || (&& (< monoandroid) (< monotouch) (< net46) (>= netstandard1.5) (< xamarinios) (< xamarinmac) (< xamarintvos) (< xamarinwatchos)) (&& (< monoandroid) (< net46) (>= netstandard1.3) (< netstandard1.5)) (>= net462)
      System.Runtime (>= 4.3) - restriction: || (&& (< monoandroid) (< monotouch) (< net46) (>= netstandard1.5) (< xamarinios) (< xamarinmac) (< xamarintvos) (< xamarinwatchos)) (&& (< monoandroid) (< net46) (>= netstandard1.3) (< netstandard1.5))
    System.Resources.ResourceManager (4.3) - restriction: || (&& (< monoandroid) (< monotouch) (< net40) (>= netstandard1.3) (< netstandard2.0) (< win8) (< wpa81) (< xamarintvos) (< xamarinwatchos)) (&& (< monoandroid) (< monotouch) (< net40) (>= netstandard1.4) (< netstandard2.0) (< xamarintvos) (< xamarinwatchos)) (&& (< monoandroid) (< monotouch) (< net40) (>= netstandard1.6) (< netstandard2.0) (< xamarintvos) (< xamarinwatchos)) (&& (< monoandroid) (< net40) (>= netstandard1.3) (< netstandard1.4)) (&& (< monoandroid) (< net40) (>= netstandard1.4) (< netstandard1.6)) (&& (< net40) (>= net46) (< netstandard1.4)) (&& (< net40) (>= net461) (< netstandard1.6)) (&& (< net40) (>= net463) (< netstandard2.0)) (>= netcoreapp2.1) (&& (>= netcoreapp5.0) (< netstandard2.0)) (>= uap10.0)
    System.Runtime (4.3.1) - restriction: || (&& (< monoandroid) (< monotouch) (< net40) (>= netstandard1.6) (< netstandard2.0) (< xamarintvos) (< xamarinwatchos)) (&& (< monoandroid) (< net40) (>= netstandard1.3) (< netstandard1.4)) (&& (< monoandroid) (< net40) (>= netstandard1.4) (< netstandard1.6)) (&& (< net40) (>= net463) (< netstandard2.0)) (&& (< net40) (>= netstandard1.3) (< netstandard2.0)) (>= netcoreapp2.1) (&& (>= netcoreapp5.0) (< netstandard2.0)) (>= uap10.0)
      Microsoft.NETCore.Platforms (>= 1.1.1) - restriction: || (&& (< monoandroid) (< monotouch) (< net45) (>= netstandard1.5) (< win8) (< wpa81) (< xamarinios) (< xamarinmac) (< xamarintvos) (< xamarinwatchos)) (&& (< monoandroid) (< net45) (>= netstandard1.0) (< netstandard1.2) (< win8) (< wp8)) (&& (< monoandroid) (< net45) (>= netstandard1.2) (< netstandard1.3) (< win8) (< wpa81)) (&& (< monoandroid) (< net45) (>= netstandard1.3) (< netstandard1.5) (< win8) (< wpa81)) (>= netcoreapp5.0)
      Microsoft.NETCore.Targets (>= 1.1.3) - restriction: || (&& (< monoandroid) (< monotouch) (< net45) (>= netstandard1.5) (< win8) (< wpa81) (< xamarinios) (< xamarinmac) (< xamarintvos) (< xamarinwatchos)) (&& (< monoandroid) (< net45) (>= netstandard1.0) (< netstandard1.2) (< win8) (< wp8)) (&& (< monoandroid) (< net45) (>= netstandard1.2) (< netstandard1.3) (< win8) (< wpa81)) (&& (< monoandroid) (< net45) (>= netstandard1.3) (< netstandard1.5) (< win8) (< wpa81)) (>= netcoreapp5.0)
    System.Runtime.Extensions (4.3) - restriction: || (&& (< monoandroid) (< monotouch) (< net40) (>= netstandard1.3) (< netstandard2.0) (< win8) (< wpa81) (< xamarintvos) (< xamarinwatchos)) (&& (< monoandroid) (< monotouch) (< net40) (>= netstandard1.6) (< netstandard2.0) (< xamarintvos) (< xamarinwatchos)) (>= netcoreapp2.1) (&& (>= netcoreapp5.0) (< netstandard2.0)) (>= uap10.0)
    System.Runtime.Handles (4.3) - restriction: || (&& (< monoandroid) (< monotouch) (< net40) (>= netstandard1.6) (< netstandard2.0) (< xamarintvos) (< xamarinwatchos)) (&& (>= netcoreapp2.1) (< netcoreapp5.0)) (&& (>= netcoreapp2.1) (< netstandard1.4)) (&& (>= netcoreapp5.0) (< netstandard2.0))
      Microsoft.NETCore.Platforms (>= 1.1) - restriction: && (< monoandroid) (< monotouch) (< net46) (>= netstandard1.3) (< xamarinios) (< xamarinmac) (< xamarintvos) (< xamarinwatchos)
      Microsoft.NETCore.Targets (>= 1.1) - restriction: && (< monoandroid) (< monotouch) (< net46) (>= netstandard1.3) (< xamarinios) (< xamarinmac) (< xamarintvos) (< xamarinwatchos)
      System.Runtime (>= 4.3) - restriction: && (< monoandroid) (< monotouch) (< net46) (>= netstandard1.3) (< xamarinios) (< xamarinmac) (< xamarintvos) (< xamarinwatchos)
    System.Runtime.InteropServices (4.3) - restriction: || (&& (< monoandroid) (< monotouch) (< net40) (>= netstandard1.6) (< netstandard2.0) (< xamarintvos) (< xamarinwatchos)) (>= netcoreapp2.1) (&& (>= netcoreapp5.0) (< netstandard2.0))
      Microsoft.NETCore.Platforms (>= 1.1) - restriction: || (&& (< monoandroid) (< monotouch) (< net45) (>= netstandard1.5) (< win8) (< wpa81) (< xamarinios) (< xamarinmac) (< xamarintvos) (< xamarinwatchos)) (&& (< monoandroid) (< net45) (>= netstandard1.1) (< netstandard1.2) (< win8)) (&& (< monoandroid) (< net45) (>= netstandard1.2) (< netstandard1.3) (< win8) (< wpa81)) (&& (< monoandroid) (< net45) (>= netstandard1.3) (< netstandard1.5) (< win8) (< wpa81)) (>= netcoreapp1.1)
      Microsoft.NETCore.Targets (>= 1.1) - restriction: || (&& (< monoandroid) (< monotouch) (< net45) (>= netstandard1.5) (< win8) (< wpa81) (< xamarinios) (< xamarinmac) (< xamarintvos) (< xamarinwatchos)) (&& (< monoandroid) (< net45) (>= netstandard1.1) (< netstandard1.2) (< win8)) (&& (< monoandroid) (< net45) (>= netstandard1.2) (< netstandard1.3) (< win8) (< wpa81)) (&& (< monoandroid) (< net45) (>= netstandard1.3) (< netstandard1.5) (< win8) (< wpa81)) (>= netcoreapp1.1)
      System.Reflection (>= 4.3) - restriction: || (&& (< monoandroid) (< monotouch) (< net45) (>= netstandard1.5) (< win8) (< wpa81) (< xamarinios) (< xamarinmac) (< xamarintvos) (< xamarinwatchos)) (&& (< monoandroid) (< net45) (>= netstandard1.1) (< netstandard1.2) (< win8)) (&& (< monoandroid) (< net45) (>= netstandard1.2) (< netstandard1.3) (< win8) (< wpa81)) (&& (< monoandroid) (< net45) (>= netstandard1.3) (< netstandard1.5) (< win8) (< wpa81)) (>= netcoreapp1.1)
      System.Reflection.Primitives (>= 4.3) - restriction: || (&& (< monoandroid) (< monotouch) (< net45) (>= netstandard1.5) (< win8) (< wpa81) (< xamarinios) (< xamarinmac) (< xamarintvos) (< xamarinwatchos)) (&& (< monoandroid) (< net45) (>= netstandard1.1) (< netstandard1.2) (< win8)) (&& (< monoandroid) (< net45) (>= netstandard1.2) (< netstandard1.3) (< win8) (< wpa81)) (&& (< monoandroid) (< net45) (>= netstandard1.3) (< netstandard1.5) (< win8) (< wpa81)) (>= netcoreapp1.1)
      System.Runtime (>= 4.3) - restriction: || (&& (< monoandroid) (< monotouch) (< net45) (>= netstandard1.5) (< win8) (< wpa81) (< xamarinios) (< xamarinmac) (< xamarintvos) (< xamarinwatchos)) (&& (< monoandroid) (< net45) (>= netstandard1.1) (< netstandard1.2) (< win8)) (&& (< monoandroid) (< net45) (>= netstandard1.2) (< netstandard1.3) (< win8) (< wpa81)) (&& (< monoandroid) (< net45) (>= netstandard1.3) (< netstandard1.5) (< win8) (< wpa81)) (>= net462) (>= netcoreapp1.1)
      System.Runtime.Handles (>= 4.3) - restriction: || (&& (< monoandroid) (< monotouch) (< net45) (>= netstandard1.5) (< win8) (< wpa81) (< xamarinios) (< xamarinmac) (< xamarintvos) (< xamarinwatchos)) (&& (< monoandroid) (< net45) (>= netstandard1.3) (< netstandard1.5) (< win8) (< wpa81)) (>= netcoreapp1.1)
    System.Runtime.InteropServices.RuntimeInformation (4.3) - restriction: || (>= netcoreapp2.1) (>= uap10.0)
    System.Runtime.Numerics (4.3) - restriction: || (&& (< monoandroid) (< monotouch) (< net40) (>= netstandard1.6) (< netstandard2.0) (< xamarintvos) (< xamarinwatchos)) (&& (< net40) (>= netstandard1.3) (< netstandard2.0))
      System.Globalization (>= 4.3) - restriction: || (&& (< monoandroid) (< monotouch) (< net45) (>= netstandard1.3) (< win8) (< wpa81) (< xamarinios) (< xamarinmac) (< xamarintvos) (< xamarinwatchos)) (>= netcoreapp5.0)
      System.Resources.ResourceManager (>= 4.3) - restriction: || (&& (< monoandroid) (< monotouch) (< net45) (>= netstandard1.3) (< win8) (< wpa81) (< xamarinios) (< xamarinmac) (< xamarintvos) (< xamarinwatchos)) (>= netcoreapp5.0)
      System.Runtime (>= 4.3) - restriction: || (&& (< monoandroid) (< monotouch) (< net45) (>= netstandard1.3) (< win8) (< wpa81) (< xamarinios) (< xamarinmac) (< xamarintvos) (< xamarinwatchos)) (&& (< monoandroid) (< net45) (>= netstandard1.1) (< netstandard1.3) (< win8) (< wpa81)) (>= netcoreapp5.0)
      System.Runtime.Extensions (>= 4.3) - restriction: || (&& (< monoandroid) (< monotouch) (< net45) (>= netstandard1.3) (< win8) (< wpa81) (< xamarinios) (< xamarinmac) (< xamarintvos) (< xamarinwatchos)) (>= netcoreapp5.0)
    System.Runtime.Serialization.Formatters (4.3) - restriction: && (< net40) (>= netstandard1.3) (< netstandard2.0)
      System.Collections (>= 4.3) - restriction: && (< monoandroid) (< monotouch) (< net46) (>= netstandard1.4) (< xamarinios) (< xamarinmac) (< xamarintvos) (< xamarinwatchos)
      System.Reflection (>= 4.3) - restriction: && (< monoandroid) (< monotouch) (< net46) (>= netstandard1.4) (< xamarinios) (< xamarinmac) (< xamarintvos) (< xamarinwatchos)
      System.Resources.ResourceManager (>= 4.3) - restriction: && (< monoandroid) (< monotouch) (< net46) (>= netstandard1.4) (< xamarinios) (< xamarinmac) (< xamarintvos) (< xamarinwatchos)
      System.Runtime (>= 4.3) - restriction: || (&& (< monoandroid) (< monotouch) (< net46) (>= netstandard1.4) (< xamarinios) (< xamarinmac) (< xamarintvos) (< xamarinwatchos)) (&& (< monoandroid) (< net46) (>= netstandard1.3) (< netstandard1.4))
      System.Runtime.Serialization.Primitives (>= 4.3) - restriction: || (&& (< monoandroid) (< monotouch) (>= netstandard1.4) (< xamarinios) (< xamarinmac) (< xamarintvos) (< xamarinwatchos)) (&& (< monoandroid) (>= netstandard1.3) (< netstandard1.4)) (>= net46)
    System.Runtime.Serialization.Primitives (4.3) - restriction: || (&& (< monoandroid) (< monotouch) (< net40) (>= netstandard1.4) (< netstandard2.0) (< xamarintvos) (< xamarinwatchos)) (&& (< monoandroid) (< net40) (>= netstandard1.3) (< netstandard1.4)) (&& (< net40) (>= net46) (< netstandard2.0)) (&& (< net40) (>= netstandard1.3) (< netstandard2.0)) (&& (>= netcoreapp5.0) (< netstandard2.0)) (>= uap10.0)
      System.Resources.ResourceManager (>= 4.3) - restriction: || (&& (< monoandroid) (< monotouch) (< net45) (>= netstandard1.3) (< win8) (< wpa81) (< xamarinios) (< xamarinmac) (< xamarintvos) (< xamarinwatchos)) (>= netcoreapp5.0)
      System.Runtime (>= 4.3) - restriction: || (&& (< monoandroid) (< monotouch) (< net45) (>= netstandard1.3) (< win8) (< wpa81) (< xamarinios) (< xamarinmac) (< xamarintvos) (< xamarinwatchos)) (&& (< monoandroid) (< net45) (>= netstandard1.0) (< netstandard1.3) (< win8) (< wp8) (< wpa81)) (>= netcoreapp5.0)
    System.Runtime.Serialization.Xml (4.3) - restriction: && (< net40) (>= netstandard1.3) (< netstandard2.0)
      System.IO (>= 4.3) - restriction: || (&& (< monoandroid) (< monotouch) (< net45) (>= netstandard1.3) (< win8) (< wpa81) (< xamarinios) (< xamarinmac) (< xamarintvos) (< xamarinwatchos)) (&& (< monoandroid) (< net45) (>= netstandard1.0) (< netstandard1.3) (< win8) (< wp8) (< wpa81)) (>= netcoreapp5.0)
      System.Private.DataContractSerialization (>= 4.3) - restriction: || (&& (< monoandroid) (< monotouch) (< net45) (>= netstandard1.3) (< win8) (< wpa81) (< xamarinios) (< xamarinmac) (< xamarintvos) (< xamarinwatchos)) (>= netcoreapp5.0)
      System.Runtime (>= 4.3) - restriction: || (&& (< monoandroid) (< monotouch) (< net45) (>= netstandard1.3) (< win8) (< wpa81) (< xamarinios) (< xamarinmac) (< xamarintvos) (< xamarinwatchos)) (&& (< monoandroid) (< net45) (>= netstandard1.0) (< netstandard1.3) (< win8) (< wp8) (< wpa81)) (>= netcoreapp5.0)
      System.Runtime.Serialization.Primitives (>= 4.3) - restriction: || (&& (< monoandroid) (< monotouch) (< net45) (>= netstandard1.3) (< win8) (< wpa81) (< xamarinios) (< xamarinmac) (< xamarintvos) (< xamarinwatchos)) (>= net46) (>= netcoreapp5.0)
      System.Text.Encoding (>= 4.3) - restriction: || (&& (< monoandroid) (< monotouch) (< net45) (>= netstandard1.3) (< win8) (< wpa81) (< xamarinios) (< xamarinmac) (< xamarintvos) (< xamarinwatchos)) (&& (< monoandroid) (< net45) (>= netstandard1.0) (< netstandard1.3) (< win8) (< wp8) (< wpa81)) (>= netcoreapp5.0)
      System.Xml.ReaderWriter (>= 4.3) - restriction: || (&& (< monoandroid) (< monotouch) (< net45) (>= netstandard1.3) (< win8) (< wpa81) (< xamarinios) (< xamarinmac) (< xamarintvos) (< xamarinwatchos)) (&& (< monoandroid) (< net45) (>= netstandard1.0) (< netstandard1.3) (< win8) (< wp8) (< wpa81)) (>= netcoreapp5.0)
    System.Security.AccessControl (4.7) - restriction: || (&& (>= monoandroid) (>= netcoreapp2.1)) (&& (>= monotouch) (>= netcoreapp2.1)) (&& (>= net461) (>= netcoreapp2.1)) (&& (>= netcoreapp2.1) (< netcoreapp5.0)) (&& (>= netcoreapp2.1) (>= xamarinios)) (&& (>= netcoreapp2.1) (>= xamarinmac)) (&& (>= netcoreapp2.1) (>= xamarintvos)) (&& (>= netcoreapp2.1) (>= xamarinwatchos))
      Microsoft.NETCore.Platforms (>= 3.1) - restriction: >= netcoreapp2.0
      System.Security.Principal.Windows (>= 4.7) - restriction: || (&& (>= net46) (< netstandard2.0)) (&& (< net46) (>= netstandard1.3) (< netstandard2.0) (< uap10.1)) (&& (< net46) (>= netstandard2.0)) (>= net461) (>= netcoreapp2.0)
    System.Security.Cryptography.Algorithms (4.3.1) - restriction: && (< net40) (>= netstandard1.3) (< netstandard2.0)
      Microsoft.NETCore.Platforms (>= 1.1) - restriction: || (&& (< monoandroid) (< monotouch) (< net46) (>= netstandard1.6) (< xamarinios) (< xamarinmac) (< xamarintvos) (< xamarinwatchos)) (>= netcoreapp5.0)
      runtime.native.System.Security.Cryptography.Apple (>= 4.3.1) - restriction: && (< monoandroid) (< monotouch) (< net46) (< netcoreapp5.0) (>= netstandard1.6) (< xamarinios) (< xamarinmac) (< xamarintvos) (< xamarinwatchos)
      runtime.native.System.Security.Cryptography.OpenSsl (>= 4.3.2) - restriction: && (< monoandroid) (< monotouch) (< net46) (< netcoreapp5.0) (>= netstandard1.6) (< xamarinios) (< xamarinmac) (< xamarintvos) (< xamarinwatchos)
      System.Collections (>= 4.3) - restriction: && (< monoandroid) (< monotouch) (< net46) (< netcoreapp5.0) (>= netstandard1.6) (< xamarinios) (< xamarinmac) (< xamarintvos) (< xamarinwatchos)
      System.IO (>= 4.3) - restriction: || (&& (< monoandroid) (< monotouch) (< net46) (>= netstandard1.6) (< xamarinios) (< xamarinmac) (< xamarintvos) (< xamarinwatchos)) (&& (< monoandroid) (< net46) (>= netstandard1.3) (< netstandard1.4)) (&& (< monoandroid) (< net46) (>= netstandard1.4) (< netstandard1.6)) (>= net463) (>= netcoreapp5.0)
      System.Resources.ResourceManager (>= 4.3) - restriction: || (&& (< monoandroid) (< monotouch) (< net46) (>= netstandard1.6) (< xamarinios) (< xamarinmac) (< xamarintvos) (< xamarinwatchos)) (>= netcoreapp5.0)
      System.Runtime (>= 4.3) - restriction: || (&& (< monoandroid) (< monotouch) (< net46) (>= netstandard1.6) (< xamarinios) (< xamarinmac) (< xamarintvos) (< xamarinwatchos)) (&& (< monoandroid) (< net46) (>= netstandard1.3) (< netstandard1.4)) (&& (< monoandroid) (< net46) (>= netstandard1.4) (< netstandard1.6)) (>= net463) (>= netcoreapp5.0)
      System.Runtime.Extensions (>= 4.3) - restriction: || (&& (< monoandroid) (< monotouch) (< net46) (>= netstandard1.6) (< xamarinios) (< xamarinmac) (< xamarintvos) (< xamarinwatchos)) (>= netcoreapp5.0)
      System.Runtime.Handles (>= 4.3) - restriction: || (&& (< monoandroid) (< monotouch) (< net46) (>= netstandard1.6) (< xamarinios) (< xamarinmac) (< xamarintvos) (< xamarinwatchos)) (>= netcoreapp5.0)
      System.Runtime.InteropServices (>= 4.3) - restriction: || (&& (< monoandroid) (< monotouch) (< net46) (>= netstandard1.6) (< xamarinios) (< xamarinmac) (< xamarintvos) (< xamarinwatchos)) (>= netcoreapp5.0)
      System.Runtime.Numerics (>= 4.3) - restriction: && (< monoandroid) (< monotouch) (< net46) (< netcoreapp5.0) (>= netstandard1.6) (< xamarinios) (< xamarinmac) (< xamarintvos) (< xamarinwatchos)
      System.Security.Cryptography.Encoding (>= 4.3) - restriction: || (&& (< monoandroid) (< monotouch) (< net46) (>= netstandard1.6) (< xamarinios) (< xamarinmac) (< xamarintvos) (< xamarinwatchos)) (>= net463) (>= netcoreapp5.0)
      System.Security.Cryptography.Primitives (>= 4.3) - restriction: || (&& (< monoandroid) (< monotouch) (< net46) (>= netstandard1.6) (< xamarinios) (< xamarinmac) (< xamarintvos) (< xamarinwatchos)) (&& (< monoandroid) (< net46) (>= netstandard1.3) (< netstandard1.4)) (&& (< monoandroid) (< net46) (>= netstandard1.4) (< netstandard1.6)) (&& (>= net46) (< netstandard1.4)) (&& (>= net461) (< netstandard1.6)) (>= net463) (>= netcoreapp5.0)
      System.Text.Encoding (>= 4.3) - restriction: || (&& (< monoandroid) (< monotouch) (< net46) (>= netstandard1.6) (< xamarinios) (< xamarinmac) (< xamarintvos) (< xamarinwatchos)) (>= netcoreapp5.0)
    System.Security.Cryptography.Encoding (4.3) - restriction: || (&& (< monoandroid) (< monotouch) (< net40) (>= netstandard1.6) (< netstandard2.0) (< xamarintvos) (< xamarinwatchos)) (&& (< net40) (>= net463) (< netstandard2.0)) (&& (>= netcoreapp5.0) (< netstandard2.0))
      Microsoft.NETCore.Platforms (>= 1.1) - restriction: && (< monoandroid) (< monotouch) (< net46) (>= netstandard1.3) (< xamarinios) (< xamarinmac) (< xamarintvos) (< xamarinwatchos)
      runtime.native.System.Security.Cryptography.OpenSsl (>= 4.3) - restriction: && (< monoandroid) (< monotouch) (< net46) (>= netstandard1.3) (< xamarinios) (< xamarinmac) (< xamarintvos) (< xamarinwatchos)
      System.Collections (>= 4.3) - restriction: && (< monoandroid) (< monotouch) (< net46) (>= netstandard1.3) (< xamarinios) (< xamarinmac) (< xamarintvos) (< xamarinwatchos)
      System.Collections.Concurrent (>= 4.3) - restriction: && (< monoandroid) (< monotouch) (< net46) (>= netstandard1.3) (< xamarinios) (< xamarinmac) (< xamarintvos) (< xamarinwatchos)
      System.Linq (>= 4.3) - restriction: && (< monoandroid) (< monotouch) (< net46) (>= netstandard1.3) (< xamarinios) (< xamarinmac) (< xamarintvos) (< xamarinwatchos)
      System.Resources.ResourceManager (>= 4.3) - restriction: && (< monoandroid) (< monotouch) (< net46) (>= netstandard1.3) (< xamarinios) (< xamarinmac) (< xamarintvos) (< xamarinwatchos)
      System.Runtime (>= 4.3) - restriction: && (< monoandroid) (< monotouch) (< net46) (>= netstandard1.3) (< xamarinios) (< xamarinmac) (< xamarintvos) (< xamarinwatchos)
      System.Runtime.Extensions (>= 4.3) - restriction: && (< monoandroid) (< monotouch) (< net46) (>= netstandard1.3) (< xamarinios) (< xamarinmac) (< xamarintvos) (< xamarinwatchos)
      System.Runtime.Handles (>= 4.3) - restriction: && (< monoandroid) (< monotouch) (< net46) (>= netstandard1.3) (< xamarinios) (< xamarinmac) (< xamarintvos) (< xamarinwatchos)
      System.Runtime.InteropServices (>= 4.3) - restriction: && (< monoandroid) (< monotouch) (< net46) (>= netstandard1.3) (< xamarinios) (< xamarinmac) (< xamarintvos) (< xamarinwatchos)
      System.Security.Cryptography.Primitives (>= 4.3) - restriction: && (< monoandroid) (< monotouch) (< net46) (>= netstandard1.3) (< xamarinios) (< xamarinmac) (< xamarintvos) (< xamarinwatchos)
      System.Text.Encoding (>= 4.3) - restriction: && (< monoandroid) (< monotouch) (< net46) (>= netstandard1.3) (< xamarinios) (< xamarinmac) (< xamarintvos) (< xamarinwatchos)
    System.Security.Cryptography.Primitives (4.3) - restriction: || (&& (< monoandroid) (< monotouch) (< net40) (>= netstandard1.6) (< netstandard2.0) (< xamarintvos) (< xamarinwatchos)) (&& (< monoandroid) (< net40) (>= netstandard1.3) (< netstandard1.4)) (&& (< monoandroid) (< net40) (>= netstandard1.4) (< netstandard1.6)) (&& (< net40) (>= net46) (< netstandard1.4)) (&& (< net40) (>= net461) (< netstandard1.6)) (&& (< net40) (>= net463) (< netstandard2.0)) (&& (>= netcoreapp5.0) (< netstandard2.0))
      System.Diagnostics.Debug (>= 4.3) - restriction: && (< monoandroid) (< monotouch) (< net46) (>= netstandard1.3) (< xamarinios) (< xamarinmac) (< xamarintvos) (< xamarinwatchos)
      System.Globalization (>= 4.3) - restriction: && (< monoandroid) (< monotouch) (< net46) (>= netstandard1.3) (< xamarinios) (< xamarinmac) (< xamarintvos) (< xamarinwatchos)
      System.IO (>= 4.3) - restriction: && (< monoandroid) (< monotouch) (< net46) (>= netstandard1.3) (< xamarinios) (< xamarinmac) (< xamarintvos) (< xamarinwatchos)
      System.Resources.ResourceManager (>= 4.3) - restriction: && (< monoandroid) (< monotouch) (< net46) (>= netstandard1.3) (< xamarinios) (< xamarinmac) (< xamarintvos) (< xamarinwatchos)
      System.Runtime (>= 4.3) - restriction: && (< monoandroid) (< monotouch) (< net46) (>= netstandard1.3) (< xamarinios) (< xamarinmac) (< xamarintvos) (< xamarinwatchos)
      System.Threading (>= 4.3) - restriction: && (< monoandroid) (< monotouch) (< net46) (>= netstandard1.3) (< xamarinios) (< xamarinmac) (< xamarintvos) (< xamarinwatchos)
      System.Threading.Tasks (>= 4.3) - restriction: && (< monoandroid) (< monotouch) (< net46) (>= netstandard1.3) (< xamarinios) (< xamarinmac) (< xamarintvos) (< xamarinwatchos)
    System.Security.Principal.Windows (4.7) - restriction: || (&& (>= monoandroid) (>= netcoreapp2.1)) (&& (>= monotouch) (>= netcoreapp2.1)) (&& (>= net461) (>= netcoreapp2.1)) (&& (>= netcoreapp2.1) (< netcoreapp5.0)) (&& (>= netcoreapp2.1) (>= xamarinios)) (&& (>= netcoreapp2.1) (>= xamarinmac)) (&& (>= netcoreapp2.1) (>= xamarintvos)) (&& (>= netcoreapp2.1) (>= xamarinwatchos))
      Microsoft.NETCore.Platforms (>= 3.1) - restriction: || (&& (>= netcoreapp2.0) (< netcoreapp2.1)) (&& (>= netcoreapp2.1) (< netcoreapp3.0))
    System.Text.Encoding (4.3) - restriction: || (&& (< monoandroid) (< monotouch) (< net40) (>= netstandard1.3) (< netstandard2.0) (< win8) (< wpa81) (< xamarintvos) (< xamarinwatchos)) (&& (< monoandroid) (< monotouch) (< net40) (>= netstandard1.6) (< netstandard2.0) (< xamarintvos) (< xamarinwatchos)) (>= netcoreapp2.1) (&& (>= netcoreapp5.0) (< netstandard2.0)) (>= uap10.0)
    System.Text.Encoding.Extensions (4.3) - restriction: || (&& (< monoandroid) (< monotouch) (< net40) (>= netstandard1.3) (< netstandard2.0) (< win8) (< wpa81) (< xamarintvos) (< xamarinwatchos)) (&& (>= netcoreapp2.1) (< netcoreapp5.0)) (&& (>= netcoreapp5.0) (< netstandard2.0)) (>= uap10.0)
    System.Text.RegularExpressions (4.3) - restriction: || (&& (< monoandroid) (< monotouch) (< net40) (>= netstandard1.3) (< netstandard2.0) (< win8) (< wpa81) (< xamarintvos) (< xamarinwatchos)) (&& (>= netcoreapp5.0) (< netstandard2.0)) (>= uap10.0)
      System.Collections (>= 4.3) - restriction: || (&& (< monoandroid) (< monotouch) (< net45) (< netcoreapp1.1) (>= netstandard1.6) (< xamarinios) (< xamarinmac) (< xamarintvos) (< xamarinwatchos)) (>= netcoreapp5.0)
      System.Globalization (>= 4.3) - restriction: || (&& (< monoandroid) (< monotouch) (< net45) (< netcoreapp1.1) (>= netstandard1.6) (< xamarinios) (< xamarinmac) (< xamarintvos) (< xamarinwatchos)) (>= netcoreapp5.0)
      System.Resources.ResourceManager (>= 4.3) - restriction: || (&& (< monoandroid) (< monotouch) (< net45) (< netcoreapp1.1) (>= netstandard1.6) (< xamarinios) (< xamarinmac) (< xamarintvos) (< xamarinwatchos)) (>= netcoreapp5.0)
      System.Runtime (>= 4.3) - restriction: || (&& (< monoandroid) (< monotouch) (< net45) (>= netstandard1.6) (< xamarinios) (< xamarinmac) (< xamarintvos) (< xamarinwatchos)) (&& (< monoandroid) (< net45) (>= netstandard1.0) (< netstandard1.3) (< win8) (< wp8) (< wpa81)) (&& (< monoandroid) (< net45) (>= netstandard1.3) (< netstandard1.6) (< win8) (< wpa81)) (>= netcoreapp1.1)
      System.Runtime.Extensions (>= 4.3) - restriction: || (&& (< monoandroid) (< monotouch) (< net45) (< netcoreapp1.1) (>= netstandard1.6) (< xamarinios) (< xamarinmac) (< xamarintvos) (< xamarinwatchos)) (>= netcoreapp5.0)
      System.Threading (>= 4.3) - restriction: || (&& (< monoandroid) (< monotouch) (< net45) (< netcoreapp1.1) (>= netstandard1.6) (< xamarinios) (< xamarinmac) (< xamarintvos) (< xamarinwatchos)) (>= netcoreapp5.0)
    System.Threading (4.3) - restriction: || (&& (< monoandroid) (< monotouch) (< net40) (>= netstandard1.3) (< netstandard2.0) (< win8) (< wpa81) (< xamarintvos) (< xamarinwatchos)) (&& (< monoandroid) (< monotouch) (< net40) (>= netstandard1.6) (< netstandard2.0) (< xamarintvos) (< xamarinwatchos)) (&& (< monoandroid) (< net40) (>= netstandard1.3) (< netstandard1.4)) (&& (< monoandroid) (< net40) (>= netstandard1.4) (< netstandard1.6)) (&& (< net40) (>= net46) (< netstandard1.4)) (&& (< net40) (>= net461) (< netstandard1.6)) (&& (< net40) (>= net463) (< netstandard2.0)) (>= netcoreapp2.1) (&& (>= netcoreapp5.0) (< netstandard2.0)) (>= uap10.0)
    System.Threading.Tasks (4.3) - restriction: || (&& (< monoandroid) (< monotouch) (< net40) (>= netstandard1.3) (< netstandard2.0) (< win8) (< wpa81) (< xamarintvos) (< xamarinwatchos)) (&& (< monoandroid) (< monotouch) (< net40) (>= netstandard1.6) (< netstandard2.0) (< xamarintvos) (< xamarinwatchos)) (&& (< monoandroid) (< net40) (>= netstandard1.3) (< netstandard1.4)) (&& (< monoandroid) (< net40) (>= netstandard1.4) (< netstandard1.6)) (&& (< net40) (>= net46) (< netstandard1.4)) (&& (< net40) (>= net461) (< netstandard1.6)) (&& (< net40) (>= net463) (< netstandard2.0)) (>= netcoreapp2.1) (&& (>= netcoreapp5.0) (< netstandard2.0)) (>= uap10.0)
    System.Threading.Thread (4.3) - restriction: >= netcoreapp2.1
      System.Runtime (>= 4.3) - restriction: && (< monoandroid) (< monotouch) (< net46) (< netcoreapp5.0) (>= netstandard1.3) (< xamarinios) (< xamarinmac) (< xamarintvos) (< xamarinwatchos)
    System.Threading.ThreadPool (4.3) - restriction: && (>= netcoreapp2.1) (< netcoreapp5.0)
      System.Runtime (>= 4.3) - restriction: && (< monoandroid) (< monotouch) (< net46) (< netcoreapp5.0) (>= netstandard1.3) (< xamarinios) (< xamarinmac) (< xamarintvos) (< xamarinwatchos)
      System.Runtime.Handles (>= 4.3) - restriction: && (< monoandroid) (< monotouch) (< net46) (< netcoreapp5.0) (>= netstandard1.3) (< xamarinios) (< xamarinmac) (< xamarintvos) (< xamarinwatchos)
    System.ValueTuple (4.5)
      NETStandard.Library (>= 1.6.1) - restriction: && (< monoandroid) (< monotouch) (< net45) (>= netstandard1.0) (< netstandard2.0) (< win8) (< wp8) (< wpa81) (< xamarintvos) (< xamarinwatchos)
    System.Xml.ReaderWriter (4.3) - restriction: || (&& (< monoandroid) (< monotouch) (< net40) (>= netstandard1.3) (< netstandard2.0) (< win8) (< wpa81) (< xamarintvos) (< xamarinwatchos)) (>= netcoreapp2.1) (&& (>= netcoreapp5.0) (< netstandard2.0)) (>= uap10.0)
    System.Xml.XDocument (4.3) - restriction: || (&& (< monoandroid) (< monotouch) (< net40) (>= netstandard1.3) (< netstandard2.0) (< win8) (< wpa81) (< xamarintvos) (< xamarinwatchos)) (&& (>= netcoreapp5.0) (< netstandard2.0)) (>= uap10.0)
    System.Xml.XmlDocument (4.3) - restriction: || (&& (< monoandroid) (< monotouch) (< net40) (>= netstandard1.3) (< netstandard2.0) (< win8) (< wpa81) (< xamarintvos) (< xamarinwatchos)) (&& (< net40) (>= net46) (< netstandard2.0)) (>= netcoreapp2.1) (&& (>= netcoreapp5.0) (< netstandard2.0))
      System.Collections (>= 4.3) - restriction: && (< monoandroid) (< monotouch) (< net46) (>= netstandard1.3) (< xamarinios) (< xamarinmac) (< xamarintvos) (< xamarinwatchos)
      System.Diagnostics.Debug (>= 4.3) - restriction: && (< monoandroid) (< monotouch) (< net46) (>= netstandard1.3) (< xamarinios) (< xamarinmac) (< xamarintvos) (< xamarinwatchos)
      System.Globalization (>= 4.3) - restriction: && (< monoandroid) (< monotouch) (< net46) (>= netstandard1.3) (< xamarinios) (< xamarinmac) (< xamarintvos) (< xamarinwatchos)
      System.IO (>= 4.3) - restriction: && (< monoandroid) (< monotouch) (< net46) (>= netstandard1.3) (< xamarinios) (< xamarinmac) (< xamarintvos) (< xamarinwatchos)
      System.Resources.ResourceManager (>= 4.3) - restriction: && (< monoandroid) (< monotouch) (< net46) (>= netstandard1.3) (< xamarinios) (< xamarinmac) (< xamarintvos) (< xamarinwatchos)
      System.Runtime (>= 4.3) - restriction: && (< monoandroid) (< monotouch) (< net46) (>= netstandard1.3) (< xamarinios) (< xamarinmac) (< xamarintvos) (< xamarinwatchos)
      System.Runtime.Extensions (>= 4.3) - restriction: && (< monoandroid) (< monotouch) (< net46) (>= netstandard1.3) (< xamarinios) (< xamarinmac) (< xamarintvos) (< xamarinwatchos)
      System.Text.Encoding (>= 4.3) - restriction: && (< monoandroid) (< monotouch) (< net46) (>= netstandard1.3) (< xamarinios) (< xamarinmac) (< xamarintvos) (< xamarinwatchos)
      System.Threading (>= 4.3) - restriction: && (< monoandroid) (< monotouch) (< net46) (>= netstandard1.3) (< xamarinios) (< xamarinmac) (< xamarintvos) (< xamarinwatchos)
      System.Xml.ReaderWriter (>= 4.3) - restriction: && (< monoandroid) (< monotouch) (< net46) (>= netstandard1.3) (< xamarinios) (< xamarinmac) (< xamarintvos) (< xamarinwatchos)
    System.Xml.XmlSerializer (4.3) - restriction: || (&& (< monoandroid) (< monotouch) (< net40) (>= netstandard1.3) (< netstandard2.0) (< win8) (< wpa81) (< xamarintvos) (< xamarinwatchos)) (&& (>= netcoreapp5.0) (< netstandard2.0))
      System.Collections (>= 4.3) - restriction: || (&& (< monoandroid) (< monotouch) (< net45) (>= netstandard1.3) (< win8) (< wpa81) (< xamarinios) (< xamarinmac) (< xamarintvos) (< xamarinwatchos)) (>= netcoreapp5.0)
      System.Globalization (>= 4.3) - restriction: || (&& (< monoandroid) (< monotouch) (< net45) (>= netstandard1.3) (< win8) (< wpa81) (< xamarinios) (< xamarinmac) (< xamarintvos) (< xamarinwatchos)) (>= netcoreapp5.0)
      System.IO (>= 4.3) - restriction: || (&& (< monoandroid) (< monotouch) (< net45) (>= netstandard1.3) (< win8) (< wpa81) (< xamarinios) (< xamarinmac) (< xamarintvos) (< xamarinwatchos)) (&& (< monoandroid) (< net45) (>= netstandard1.0) (< netstandard1.3) (< win8) (< wp8) (< wpa81)) (>= netcoreapp5.0)
      System.Linq (>= 4.3) - restriction: || (&& (< monoandroid) (< monotouch) (< net45) (>= netstandard1.3) (< win8) (< wpa81) (< xamarinios) (< xamarinmac) (< xamarintvos) (< xamarinwatchos)) (>= netcoreapp5.0)
      System.Reflection (>= 4.3) - restriction: || (&& (< monoandroid) (< monotouch) (< net45) (>= netstandard1.3) (< win8) (< wpa81) (< xamarinios) (< xamarinmac) (< xamarintvos) (< xamarinwatchos)) (>= netcoreapp5.0)
      System.Reflection.Emit (>= 4.3) - restriction: || (&& (< monoandroid) (< monotouch) (< net45) (>= netstandard1.3) (< win8) (< wpa81) (< xamarinios) (< xamarinmac) (< xamarintvos) (< xamarinwatchos)) (>= netcoreapp5.0)
      System.Reflection.Emit.ILGeneration (>= 4.3) - restriction: || (&& (< monoandroid) (< monotouch) (< net45) (>= netstandard1.3) (< win8) (< wpa81) (< xamarinios) (< xamarinmac) (< xamarintvos) (< xamarinwatchos)) (>= netcoreapp5.0)
      System.Reflection.Extensions (>= 4.3) - restriction: || (&& (< monoandroid) (< monotouch) (< net45) (>= netstandard1.3) (< win8) (< wpa81) (< xamarinios) (< xamarinmac) (< xamarintvos) (< xamarinwatchos)) (>= netcoreapp5.0)
      System.Reflection.Primitives (>= 4.3) - restriction: || (&& (< monoandroid) (< monotouch) (< net45) (>= netstandard1.3) (< win8) (< wpa81) (< xamarinios) (< xamarinmac) (< xamarintvos) (< xamarinwatchos)) (>= netcoreapp5.0)
      System.Reflection.TypeExtensions (>= 4.3) - restriction: || (&& (< monoandroid) (< monotouch) (< net45) (>= netstandard1.3) (< win8) (< wpa81) (< xamarinios) (< xamarinmac) (< xamarintvos) (< xamarinwatchos)) (>= netcoreapp5.0)
      System.Resources.ResourceManager (>= 4.3) - restriction: || (&& (< monoandroid) (< monotouch) (< net45) (>= netstandard1.3) (< win8) (< wpa81) (< xamarinios) (< xamarinmac) (< xamarintvos) (< xamarinwatchos)) (>= netcoreapp5.0)
      System.Runtime (>= 4.3) - restriction: || (&& (< monoandroid) (< monotouch) (< net45) (>= netstandard1.3) (< win8) (< wpa81) (< xamarinios) (< xamarinmac) (< xamarintvos) (< xamarinwatchos)) (&& (< monoandroid) (< net45) (>= netstandard1.0) (< netstandard1.3) (< win8) (< wp8) (< wpa81)) (>= netcoreapp5.0)
      System.Runtime.Extensions (>= 4.3) - restriction: || (&& (< monoandroid) (< monotouch) (< net45) (>= netstandard1.3) (< win8) (< wpa81) (< xamarinios) (< xamarinmac) (< xamarintvos) (< xamarinwatchos)) (>= netcoreapp5.0)
      System.Text.RegularExpressions (>= 4.3) - restriction: || (&& (< monoandroid) (< monotouch) (< net45) (>= netstandard1.3) (< win8) (< wpa81) (< xamarinios) (< xamarinmac) (< xamarintvos) (< xamarinwatchos)) (>= netcoreapp5.0)
      System.Threading (>= 4.3) - restriction: || (&& (< monoandroid) (< monotouch) (< net45) (>= netstandard1.3) (< win8) (< wpa81) (< xamarinios) (< xamarinmac) (< xamarintvos) (< xamarinwatchos)) (>= netcoreapp5.0)
      System.Xml.ReaderWriter (>= 4.3) - restriction: || (&& (< monoandroid) (< monotouch) (< net45) (>= netstandard1.3) (< win8) (< wpa81) (< xamarinios) (< xamarinmac) (< xamarintvos) (< xamarinwatchos)) (&& (< monoandroid) (< net45) (>= netstandard1.0) (< netstandard1.3) (< win8) (< wp8) (< wpa81)) (>= netcoreapp5.0)
      System.Xml.XmlDocument (>= 4.3) - restriction: || (&& (< monoandroid) (< monotouch) (< net45) (>= netstandard1.3) (< win8) (< wpa81) (< xamarinios) (< xamarinmac) (< xamarintvos) (< xamarinwatchos)) (>= netcoreapp5.0)
    System.Xml.XPath (4.3) - restriction: >= netcoreapp2.1
      System.Collections (>= 4.3) - restriction: && (< monoandroid) (< monotouch) (< net46) (>= netstandard1.3) (< xamarinios) (< xamarinmac) (< xamarintvos) (< xamarinwatchos)
      System.Diagnostics.Debug (>= 4.3) - restriction: && (< monoandroid) (< monotouch) (< net46) (>= netstandard1.3) (< xamarinios) (< xamarinmac) (< xamarintvos) (< xamarinwatchos)
      System.Globalization (>= 4.3) - restriction: && (< monoandroid) (< monotouch) (< net46) (>= netstandard1.3) (< xamarinios) (< xamarinmac) (< xamarintvos) (< xamarinwatchos)
      System.IO (>= 4.3) - restriction: && (< monoandroid) (< monotouch) (< net46) (>= netstandard1.3) (< xamarinios) (< xamarinmac) (< xamarintvos) (< xamarinwatchos)
      System.Resources.ResourceManager (>= 4.3) - restriction: && (< monoandroid) (< monotouch) (< net46) (>= netstandard1.3) (< xamarinios) (< xamarinmac) (< xamarintvos) (< xamarinwatchos)
      System.Runtime (>= 4.3) - restriction: && (< monoandroid) (< monotouch) (< net46) (>= netstandard1.3) (< xamarinios) (< xamarinmac) (< xamarintvos) (< xamarinwatchos)
      System.Runtime.Extensions (>= 4.3) - restriction: && (< monoandroid) (< monotouch) (< net46) (>= netstandard1.3) (< xamarinios) (< xamarinmac) (< xamarintvos) (< xamarinwatchos)
      System.Threading (>= 4.3) - restriction: && (< monoandroid) (< monotouch) (< net46) (>= netstandard1.3) (< xamarinios) (< xamarinmac) (< xamarintvos) (< xamarinwatchos)
      System.Xml.ReaderWriter (>= 4.3) - restriction: && (< monoandroid) (< monotouch) (< net46) (>= netstandard1.3) (< xamarinios) (< xamarinmac) (< xamarintvos) (< xamarinwatchos)
    System.Xml.XPath.XmlDocument (4.3) - restriction: >= netcoreapp2.1
      System.Collections (>= 4.3) - restriction: && (< monoandroid) (< monotouch) (< net46) (>= netstandard1.3) (< xamarinios) (< xamarinmac) (< xamarintvos) (< xamarinwatchos)
      System.Globalization (>= 4.3) - restriction: && (< monoandroid) (< monotouch) (< net46) (>= netstandard1.3) (< xamarinios) (< xamarinmac) (< xamarintvos) (< xamarinwatchos)
      System.IO (>= 4.3) - restriction: && (< monoandroid) (< monotouch) (< net46) (>= netstandard1.3) (< xamarinios) (< xamarinmac) (< xamarintvos) (< xamarinwatchos)
      System.Resources.ResourceManager (>= 4.3) - restriction: && (< monoandroid) (< monotouch) (< net46) (>= netstandard1.3) (< xamarinios) (< xamarinmac) (< xamarintvos) (< xamarinwatchos)
      System.Runtime (>= 4.3) - restriction: && (< monoandroid) (< monotouch) (< net46) (>= netstandard1.3) (< xamarinios) (< xamarinmac) (< xamarintvos) (< xamarinwatchos)
      System.Runtime.Extensions (>= 4.3) - restriction: && (< monoandroid) (< monotouch) (< net46) (>= netstandard1.3) (< xamarinios) (< xamarinmac) (< xamarintvos) (< xamarinwatchos)
      System.Threading (>= 4.3) - restriction: && (< monoandroid) (< monotouch) (< net46) (>= netstandard1.3) (< xamarinios) (< xamarinmac) (< xamarintvos) (< xamarinwatchos)
      System.Xml.ReaderWriter (>= 4.3) - restriction: && (< monoandroid) (< monotouch) (< net46) (>= netstandard1.3) (< xamarinios) (< xamarinmac) (< xamarintvos) (< xamarinwatchos)
      System.Xml.XmlDocument (>= 4.3) - restriction: || (&& (< monoandroid) (< monotouch) (>= netstandard1.3) (< xamarinios) (< xamarinmac) (< xamarintvos) (< xamarinwatchos)) (>= net46)
      System.Xml.XPath (>= 4.3) - restriction: || (&& (< monoandroid) (< monotouch) (>= netstandard1.3) (< xamarinios) (< xamarinmac) (< xamarintvos) (< xamarinwatchos)) (>= net46)

GROUP Build
STORAGE: PACKAGES
NUGET
  remote: https://api.nuget.org/v3/index.json
    FAKE (4.64.18)
    FSharp.Compiler.Service (2.0.0.6)
    FSharp.Formatting (2.14.4)
      FSharp.Compiler.Service (2.0.0.6)
      FSharpVSPowerTools.Core (>= 2.3 < 2.4)
    FSharpVSPowerTools.Core (2.3)
      FSharp.Compiler.Service (>= 2.0.0.3)
    NuGet.CommandLine (5.5.1)
    NUnit.ConsoleRunner (3.11.1)
